STORAGE: NONE
STRATEGY: MIN
RESTRICTION: || (== net461) (== net471) (== netstandard2.0)
NUGET
  remote: https://api.nuget.org/v3/index.json
    FSharp.Core (4.2.3)
      System.Collections (>= 4.0.11) - restriction: || (&& (== net461) (< net45) (>= netstandard1.6)) (&& (== net471) (< net45)) (== netstandard2.0)
      System.Console (>= 4.0) - restriction: || (&& (== net461) (< net45) (>= netstandard1.6)) (&& (== net471) (< net45)) (== netstandard2.0)
      System.Diagnostics.Debug (>= 4.0.11) - restriction: || (&& (== net461) (< net45) (>= netstandard1.6)) (&& (== net471) (< net45)) (== netstandard2.0)
      System.Diagnostics.Tools (>= 4.0.1) - restriction: || (&& (== net461) (< net45) (>= netstandard1.6)) (&& (== net471) (< net45)) (== netstandard2.0)
      System.Globalization (>= 4.0.11) - restriction: || (&& (== net461) (< net45) (>= netstandard1.6)) (&& (== net471) (< net45)) (== netstandard2.0)
      System.IO (>= 4.1) - restriction: || (&& (== net461) (< net45) (>= netstandard1.6)) (&& (== net471) (< net45)) (== netstandard2.0)
      System.Linq (>= 4.1) - restriction: || (&& (== net461) (< net45) (>= netstandard1.6)) (&& (== net471) (< net45)) (== netstandard2.0)
      System.Linq.Expressions (>= 4.1) - restriction: || (&& (== net461) (< net45) (>= netstandard1.6)) (&& (== net471) (< net45)) (== netstandard2.0)
      System.Linq.Queryable (>= 4.0.1) - restriction: || (&& (== net461) (< net45) (>= netstandard1.6)) (&& (== net471) (< net45)) (== netstandard2.0)
      System.Net.Requests (>= 4.0.11) - restriction: || (&& (== net461) (< net45) (>= netstandard1.6)) (&& (== net471) (< net45)) (== netstandard2.0)
      System.Reflection (>= 4.1) - restriction: || (&& (== net461) (< net45) (>= netstandard1.6)) (&& (== net471) (< net45)) (== netstandard2.0)
      System.Reflection.Extensions (>= 4.0.1) - restriction: || (&& (== net461) (< net45) (>= netstandard1.6)) (&& (== net471) (< net45)) (== netstandard2.0)
      System.Resources.ResourceManager (>= 4.0.1) - restriction: || (&& (== net461) (< net45) (>= netstandard1.6)) (&& (== net471) (< net45)) (== netstandard2.0)
      System.Runtime (>= 4.1) - restriction: || (&& (== net461) (< net45) (>= netstandard1.6)) (&& (== net471) (< net45)) (== netstandard2.0)
      System.Runtime.Extensions (>= 4.1) - restriction: || (&& (== net461) (< net45) (>= netstandard1.6)) (&& (== net471) (< net45)) (== netstandard2.0)
      System.Runtime.Numerics (>= 4.0.1) - restriction: || (&& (== net461) (< net45) (>= netstandard1.6)) (&& (== net471) (< net45)) (== netstandard2.0)
      System.Text.RegularExpressions (>= 4.1) - restriction: || (&& (== net461) (< net45) (>= netstandard1.6)) (&& (== net471) (< net45)) (== netstandard2.0)
      System.Threading (>= 4.0.11) - restriction: || (&& (== net461) (< net45) (>= netstandard1.6)) (&& (== net471) (< net45)) (== netstandard2.0)
      System.Threading.Tasks (>= 4.0.11) - restriction: || (&& (== net461) (< net45) (>= netstandard1.6)) (&& (== net471) (< net45)) (== netstandard2.0)
      System.Threading.Tasks.Parallel (>= 4.0.1) - restriction: || (&& (== net461) (< net45) (>= netstandard1.6)) (&& (== net471) (< net45)) (== netstandard2.0)
      System.Threading.Thread (>= 4.0) - restriction: || (&& (== net461) (< net45) (>= netstandard1.6)) (&& (== net471) (< net45)) (== netstandard2.0)
      System.Threading.ThreadPool (>= 4.0.10) - restriction: || (&& (== net461) (< net45) (>= netstandard1.6)) (&& (== net471) (< net45)) (== netstandard2.0)
      System.Threading.Timer (>= 4.0.1) - restriction: || (&& (== net461) (< net45) (>= netstandard1.6)) (&& (== net471) (< net45)) (== netstandard2.0)
    HtmlAgilityPack (1.7.1)
      System.Net.Http (>= 4.3.2) - restriction: || (&& (== net461) (< net40) (>= netstandard2.0)) (&& (== net461) (>= uap10.0)) (&& (== net471) (< net40)) (&& (== net471) (>= uap10.0)) (== netstandard2.0)
      System.Xml.XmlDocument (>= 4.3) - restriction: || (&& (== net461) (< net40)) (&& (== net471) (< net40)) (== netstandard2.0)
      System.Xml.XPath (>= 4.3) - restriction: || (&& (== net461) (< net40)) (&& (== net461) (>= uap10.0)) (&& (== net471) (< net40)) (&& (== net471) (>= uap10.0)) (== netstandard2.0)
      System.Xml.XPath.XmlDocument (>= 4.3) - restriction: || (&& (== net461) (< net40)) (&& (== net461) (>= uap10.0)) (&& (== net471) (< net40)) (&& (== net471) (>= uap10.0)) (== netstandard2.0)
    Microsoft.Build.Framework (16.5) - restriction: || (&& (== net461) (>= netstandard2.0)) (== net471) (== netstandard2.0)
      System.Runtime.Serialization.Primitives (>= 4.1.1) - restriction: || (&& (== net461) (>= netstandard2.0)) (== net471) (== netstandard2.0)
      System.Threading.Thread (>= 4.0) - restriction: || (&& (== net461) (>= netstandard2.0)) (== net471) (== netstandard2.0)
    Microsoft.Build.Utilities.Core (16.5)
      Microsoft.Build.Framework (>= 16.5) - restriction: || (&& (== net461) (>= netstandard2.0)) (== net471) (== netstandard2.0)
      Microsoft.Win32.Registry (>= 4.3) - restriction: || (&& (== net461) (>= netstandard2.0)) (== net471) (== netstandard2.0)
      System.Collections.Immutable (>= 1.5) - restriction: || (&& (== net461) (>= netstandard2.0)) (== net471) (== netstandard2.0)
      System.Text.Encoding.CodePages (>= 4.0.1) - restriction: || (&& (== net461) (>= netstandard2.0)) (== net471) (== netstandard2.0)
    Microsoft.CodeAnalysis.Analyzers (1.1)
    Microsoft.CodeAnalysis.Common (2.8.2)
      Microsoft.CodeAnalysis.Analyzers (>= 1.1)
      System.AppContext (>= 4.3)
      System.Collections (>= 4.3)
      System.Collections.Concurrent (>= 4.3)
      System.Collections.Immutable (>= 1.3.1)
      System.Console (>= 4.3)
      System.Diagnostics.Debug (>= 4.3)
      System.Diagnostics.FileVersionInfo (>= 4.3)
      System.Diagnostics.StackTrace (>= 4.3)
      System.Diagnostics.Tools (>= 4.3)
      System.Dynamic.Runtime (>= 4.3)
      System.Globalization (>= 4.3)
      System.IO.Compression (>= 4.3)
      System.IO.FileSystem (>= 4.3)
      System.IO.FileSystem.Primitives (>= 4.3)
      System.Linq (>= 4.3)
      System.Linq.Expressions (>= 4.3)
      System.Reflection (>= 4.3)
      System.Reflection.Metadata (>= 1.4.2)
      System.Resources.ResourceManager (>= 4.3)
      System.Runtime (>= 4.3)
      System.Runtime.Extensions (>= 4.3)
      System.Runtime.InteropServices (>= 4.3)
      System.Runtime.Numerics (>= 4.3)
      System.Security.Cryptography.Algorithms (>= 4.3)
      System.Security.Cryptography.Encoding (>= 4.3)
      System.Security.Cryptography.X509Certificates (>= 4.3)
      System.Text.Encoding (>= 4.3)
      System.Text.Encoding.CodePages (>= 4.3)
      System.Text.Encoding.Extensions (>= 4.3)
      System.Threading (>= 4.3)
      System.Threading.Tasks (>= 4.3)
      System.Threading.Tasks.Parallel (>= 4.3)
      System.Threading.Thread (>= 4.3)
      System.ValueTuple (>= 4.3)
      System.Xml.ReaderWriter (>= 4.3)
      System.Xml.XDocument (>= 4.3)
      System.Xml.XmlDocument (>= 4.3)
      System.Xml.XPath.XDocument (>= 4.3)
    Microsoft.CodeAnalysis.CSharp (2.8.2)
      Microsoft.CodeAnalysis.Common (2.8.2)
    Microsoft.NETCore.Platforms (1.1) - restriction: || (&& (== net461) (< net40) (>= netstandard2.0)) (&& (== net461) (>= uap10.0)) (&& (== net471) (< net40)) (&& (== net471) (>= uap10.0)) (== netstandard2.0)
    Microsoft.NETCore.Targets (1.1) - restriction: || (&& (== net461) (< net45)) (&& (== net471) (< net45)) (== netstandard2.0)
    Microsoft.Win32.Registry (4.3) - restriction: || (&& (== net461) (>= netstandard2.0)) (== net471) (== netstandard2.0)
      Microsoft.NETCore.Platforms (>= 1.1) - restriction: || (&& (== net461) (< net46)) (&& (== net471) (< net46)) (== netstandard2.0)
      System.Collections (>= 4.3) - restriction: || (&& (== net461) (< net46)) (&& (== net471) (< net46)) (== netstandard2.0)
      System.Globalization (>= 4.3) - restriction: || (&& (== net461) (< net46)) (&& (== net471) (< net46)) (== netstandard2.0)
      System.Resources.ResourceManager (>= 4.3) - restriction: || (&& (== net461) (< net46)) (&& (== net471) (< net46)) (== netstandard2.0)
      System.Runtime (>= 4.3) - restriction: || (&& (== net461) (< net46)) (&& (== net471) (< net46)) (== netstandard2.0)
      System.Runtime.Extensions (>= 4.3) - restriction: || (&& (== net461) (< net46)) (&& (== net471) (< net46)) (== netstandard2.0)
      System.Runtime.Handles (>= 4.3) - restriction: || (&& (== net461) (< net46)) (&& (== net471) (< net46)) (== netstandard2.0)
      System.Runtime.InteropServices (>= 4.3) - restriction: || (&& (== net461) (< net46)) (&& (== net471) (< net46)) (== netstandard2.0)
    runtime.debian.8-x64.runtime.native.System.Security.Cryptography.OpenSsl (4.3) - restriction: || (&& (== net461) (< net40) (>= netstandard2.0)) (&& (== net461) (>= netstandard1.6) (>= uap10.0)) (&& (== net471) (< net40)) (&& (== net471) (>= uap10.0)) (== netstandard2.0)
    runtime.fedora.23-x64.runtime.native.System.Security.Cryptography.OpenSsl (4.3) - restriction: || (&& (== net461) (< net40) (>= netstandard2.0)) (&& (== net461) (>= netstandard1.6) (>= uap10.0)) (&& (== net471) (< net40)) (&& (== net471) (>= uap10.0)) (== netstandard2.0)
    runtime.fedora.24-x64.runtime.native.System.Security.Cryptography.OpenSsl (4.3) - restriction: || (&& (== net461) (< net40) (>= netstandard2.0)) (&& (== net461) (>= netstandard1.6) (>= uap10.0)) (&& (== net471) (< net40)) (&& (== net471) (>= uap10.0)) (== netstandard2.0)
    runtime.native.System (4.3) - restriction: || (&& (== net461) (< net40) (>= netstandard2.0)) (&& (== net461) (>= netstandard1.6) (>= uap10.0)) (&& (== net471) (< net40)) (&& (== net471) (>= uap10.0)) (== netstandard2.0)
      Microsoft.NETCore.Platforms (>= 1.1)
      Microsoft.NETCore.Targets (>= 1.1)
    runtime.native.System.IO.Compression (4.3) - restriction: || (&& (== net461) (< net45)) (&& (== net471) (< net45)) (== netstandard2.0)
      Microsoft.NETCore.Platforms (>= 1.1)
      Microsoft.NETCore.Targets (>= 1.1)
    runtime.native.System.Net.Http (4.3) - restriction: || (&& (== net461) (< net40) (>= netstandard2.0)) (&& (== net461) (>= netstandard1.6) (>= uap10.0)) (&& (== net471) (< net40)) (&& (== net471) (>= uap10.0)) (== netstandard2.0)
      Microsoft.NETCore.Platforms (>= 1.1)
      Microsoft.NETCore.Targets (>= 1.1)
    runtime.native.System.Security.Cryptography.Apple (4.3) - restriction: || (&& (== net461) (< net46) (>= netstandard1.6)) (&& (== net471) (< net46)) (== netstandard2.0)
      runtime.osx.10.10-x64.runtime.native.System.Security.Cryptography.Apple (>= 4.3)
    runtime.native.System.Security.Cryptography.OpenSsl (4.3) - restriction: || (&& (== net461) (< net40) (>= netstandard2.0)) (&& (== net461) (>= netstandard1.6) (>= uap10.0)) (&& (== net471) (< net40)) (&& (== net471) (>= uap10.0)) (== netstandard2.0)
      runtime.debian.8-x64.runtime.native.System.Security.Cryptography.OpenSsl (>= 4.3)
      runtime.fedora.23-x64.runtime.native.System.Security.Cryptography.OpenSsl (>= 4.3)
      runtime.fedora.24-x64.runtime.native.System.Security.Cryptography.OpenSsl (>= 4.3)
      runtime.opensuse.13.2-x64.runtime.native.System.Security.Cryptography.OpenSsl (>= 4.3)
      runtime.opensuse.42.1-x64.runtime.native.System.Security.Cryptography.OpenSsl (>= 4.3)
      runtime.osx.10.10-x64.runtime.native.System.Security.Cryptography.OpenSsl (>= 4.3)
      runtime.rhel.7-x64.runtime.native.System.Security.Cryptography.OpenSsl (>= 4.3)
      runtime.ubuntu.14.04-x64.runtime.native.System.Security.Cryptography.OpenSsl (>= 4.3)
      runtime.ubuntu.16.04-x64.runtime.native.System.Security.Cryptography.OpenSsl (>= 4.3)
      runtime.ubuntu.16.10-x64.runtime.native.System.Security.Cryptography.OpenSsl (>= 4.3)
    runtime.opensuse.13.2-x64.runtime.native.System.Security.Cryptography.OpenSsl (4.3) - restriction: || (&& (== net461) (< net40) (>= netstandard2.0)) (&& (== net461) (>= netstandard1.6) (>= uap10.0)) (&& (== net471) (< net40)) (&& (== net471) (>= uap10.0)) (== netstandard2.0)
    runtime.opensuse.42.1-x64.runtime.native.System.Security.Cryptography.OpenSsl (4.3) - restriction: || (&& (== net461) (< net40) (>= netstandard2.0)) (&& (== net461) (>= netstandard1.6) (>= uap10.0)) (&& (== net471) (< net40)) (&& (== net471) (>= uap10.0)) (== netstandard2.0)
    runtime.osx.10.10-x64.runtime.native.System.Security.Cryptography.Apple (4.3) - restriction: || (&& (== net461) (< net46) (>= netstandard1.6)) (&& (== net471) (< net46)) (== netstandard2.0)
    runtime.osx.10.10-x64.runtime.native.System.Security.Cryptography.OpenSsl (4.3) - restriction: || (&& (== net461) (< net40) (>= netstandard2.0)) (&& (== net461) (>= netstandard1.6) (>= uap10.0)) (&& (== net471) (< net40)) (&& (== net471) (>= uap10.0)) (== netstandard2.0)
    runtime.rhel.7-x64.runtime.native.System.Security.Cryptography.OpenSsl (4.3) - restriction: || (&& (== net461) (< net40) (>= netstandard2.0)) (&& (== net461) (>= netstandard1.6) (>= uap10.0)) (&& (== net471) (< net40)) (&& (== net471) (>= uap10.0)) (== netstandard2.0)
    runtime.ubuntu.14.04-x64.runtime.native.System.Security.Cryptography.OpenSsl (4.3) - restriction: || (&& (== net461) (< net40) (>= netstandard2.0)) (&& (== net461) (>= netstandard1.6) (>= uap10.0)) (&& (== net471) (< net40)) (&& (== net471) (>= uap10.0)) (== netstandard2.0)
    runtime.ubuntu.16.04-x64.runtime.native.System.Security.Cryptography.OpenSsl (4.3) - restriction: || (&& (== net461) (< net40) (>= netstandard2.0)) (&& (== net461) (>= netstandard1.6) (>= uap10.0)) (&& (== net471) (< net40)) (&& (== net471) (>= uap10.0)) (== netstandard2.0)
    runtime.ubuntu.16.10-x64.runtime.native.System.Security.Cryptography.OpenSsl (4.3) - restriction: || (&& (== net461) (< net40) (>= netstandard2.0)) (&& (== net461) (>= netstandard1.6) (>= uap10.0)) (&& (== net471) (< net40)) (&& (== net471) (>= uap10.0)) (== netstandard2.0)
    System.AppContext (4.3)
      System.Runtime (>= 4.3) - restriction: || (&& (== net461) (< net46)) (&& (== net471) (< net46)) (== netstandard2.0)
    System.Buffers (4.3) - restriction: || (&& (== net461) (< net45)) (&& (== net471) (< net45)) (== netstandard2.0)
      System.Diagnostics.Debug (>= 4.3) - restriction: || (&& (== net461) (< net45)) (&& (== net471) (< net45)) (== netstandard2.0)
      System.Diagnostics.Tracing (>= 4.3) - restriction: || (&& (== net461) (< net45)) (&& (== net471) (< net45)) (== netstandard2.0)
      System.Resources.ResourceManager (>= 4.3) - restriction: || (&& (== net461) (< net45)) (&& (== net471) (< net45)) (== netstandard2.0)
      System.Runtime (>= 4.3) - restriction: || (&& (== net461) (< net45)) (&& (== net471) (< net45)) (== netstandard2.0)
      System.Threading (>= 4.3) - restriction: || (&& (== net461) (< net45)) (&& (== net471) (< net45)) (== netstandard2.0)
    System.Collections (4.3)
      Microsoft.NETCore.Platforms (>= 1.1) - restriction: || (&& (== net461) (< net45)) (&& (== net471) (< net45)) (== netstandard2.0)
      Microsoft.NETCore.Targets (>= 1.1) - restriction: || (&& (== net461) (< net45)) (&& (== net471) (< net45)) (== netstandard2.0)
      System.Runtime (>= 4.3) - restriction: || (&& (== net461) (< net45)) (&& (== net471) (< net45)) (== netstandard2.0)
    System.Collections.Concurrent (4.3)
      System.Collections (>= 4.3) - restriction: || (&& (== net461) (< net45)) (&& (== net471) (< net45)) (== netstandard2.0)
      System.Diagnostics.Debug (>= 4.3) - restriction: || (&& (== net461) (< net45)) (&& (== net471) (< net45)) (== netstandard2.0)
      System.Diagnostics.Tracing (>= 4.3) - restriction: || (&& (== net461) (< net45)) (&& (== net471) (< net45)) (== netstandard2.0)
      System.Globalization (>= 4.3) - restriction: || (&& (== net461) (< net45)) (&& (== net471) (< net45)) (== netstandard2.0)
      System.Reflection (>= 4.3) - restriction: || (&& (== net461) (< net45)) (&& (== net471) (< net45)) (== netstandard2.0)
      System.Resources.ResourceManager (>= 4.3) - restriction: || (&& (== net461) (< net45)) (&& (== net471) (< net45)) (== netstandard2.0)
      System.Runtime (>= 4.3) - restriction: || (&& (== net461) (< net45)) (&& (== net471) (< net45)) (== netstandard2.0)
      System.Runtime.Extensions (>= 4.3) - restriction: || (&& (== net461) (< net45)) (&& (== net471) (< net45)) (== netstandard2.0)
      System.Threading (>= 4.3) - restriction: || (&& (== net461) (< net45)) (&& (== net471) (< net45)) (== netstandard2.0)
      System.Threading.Tasks (>= 4.3) - restriction: || (&& (== net461) (< net45)) (&& (== net471) (< net45)) (== netstandard2.0)
    System.Collections.Immutable (1.5)
    System.Console (4.3)
      Microsoft.NETCore.Platforms (>= 1.1) - restriction: || (&& (== net461) (< net46)) (&& (== net471) (< net46)) (== netstandard2.0)
      Microsoft.NETCore.Targets (>= 1.1) - restriction: || (&& (== net461) (< net46)) (&& (== net471) (< net46)) (== netstandard2.0)
      System.IO (>= 4.3) - restriction: || (&& (== net461) (< net46)) (&& (== net471) (< net46)) (== netstandard2.0)
      System.Runtime (>= 4.3) - restriction: || (&& (== net461) (< net46)) (&& (== net471) (< net46)) (== netstandard2.0)
      System.Text.Encoding (>= 4.3) - restriction: || (&& (== net461) (< net46)) (&& (== net471) (< net46)) (== netstandard2.0)
    System.Diagnostics.Debug (4.3)
      Microsoft.NETCore.Platforms (>= 1.1) - restriction: || (&& (== net461) (< net45)) (&& (== net471) (< net45)) (== netstandard2.0)
      Microsoft.NETCore.Targets (>= 1.1) - restriction: || (&& (== net461) (< net45)) (&& (== net471) (< net45)) (== netstandard2.0)
      System.Runtime (>= 4.3) - restriction: || (&& (== net461) (< net45)) (&& (== net471) (< net45)) (== netstandard2.0)
    System.Diagnostics.DiagnosticSource (4.3) - restriction: || (&& (== net461) (< net40) (>= netstandard2.0)) (&& (== net461) (>= uap10.0)) (&& (== net471) (< net40)) (&& (== net471) (>= uap10.0)) (== netstandard2.0)
      System.Collections (>= 4.3) - restriction: || (&& (== net461) (< net45)) (&& (== net471) (< net45)) (== netstandard2.0)
      System.Diagnostics.Tracing (>= 4.3) - restriction: || (&& (== net461) (< net45)) (&& (== net471) (< net45)) (== netstandard2.0)
      System.Reflection (>= 4.3) - restriction: || (&& (== net461) (< net45)) (&& (== net471) (< net45)) (== netstandard2.0)
      System.Runtime (>= 4.3) - restriction: || (&& (== net461) (< net45)) (&& (== net471) (< net45)) (== netstandard2.0)
      System.Threading (>= 4.3) - restriction: || (&& (== net461) (< net45)) (&& (== net471) (< net45)) (== netstandard2.0)
    System.Diagnostics.FileVersionInfo (4.3)
      Microsoft.NETCore.Platforms (>= 1.1) - restriction: || (&& (== net461) (< net46)) (&& (== net471) (< net46)) (== netstandard2.0)
      System.Globalization (>= 4.3) - restriction: || (&& (== net461) (< net46)) (&& (== net471) (< net46)) (== netstandard2.0)
      System.IO (>= 4.3) - restriction: || (&& (== net461) (< net46)) (&& (== net471) (< net46)) (== netstandard2.0)
      System.IO.FileSystem (>= 4.3) - restriction: || (&& (== net461) (< net46)) (&& (== net471) (< net46)) (== netstandard2.0)
      System.IO.FileSystem.Primitives (>= 4.3) - restriction: || (&& (== net461) (< net46)) (&& (== net471) (< net46)) (== netstandard2.0)
      System.Reflection.Metadata (>= 1.4.1) - restriction: || (&& (== net461) (< net46)) (&& (== net471) (< net46)) (== netstandard2.0)
      System.Runtime (>= 4.3) - restriction: || (&& (== net461) (< net46)) (&& (== net471) (< net46)) (== netstandard2.0)
      System.Runtime.Extensions (>= 4.3) - restriction: || (&& (== net461) (< net46)) (&& (== net471) (< net46)) (== netstandard2.0)
      System.Runtime.InteropServices (>= 4.3) - restriction: || (&& (== net461) (< net46)) (&& (== net471) (< net46)) (== netstandard2.0)
    System.Diagnostics.StackTrace (4.3)
      System.IO.FileSystem (>= 4.3) - restriction: || (&& (== net461) (< net46)) (&& (== net471) (< net46)) (== netstandard2.0)
      System.Reflection (>= 4.3) - restriction: || (&& (== net461) (< net46)) (&& (== net471) (< net46)) (== netstandard2.0)
      System.Reflection.Metadata (>= 1.4.1) - restriction: || (&& (== net461) (< net46)) (&& (== net471) (< net46)) (== netstandard2.0)
      System.Runtime (>= 4.3) - restriction: || (&& (== net461) (< net46)) (&& (== net471) (< net46)) (== netstandard2.0)
    System.Diagnostics.Tools (4.3)
      Microsoft.NETCore.Platforms (>= 1.1) - restriction: || (&& (== net461) (< net45)) (&& (== net471) (< net45)) (== netstandard2.0)
      Microsoft.NETCore.Targets (>= 1.1) - restriction: || (&& (== net461) (< net45)) (&& (== net471) (< net45)) (== netstandard2.0)
      System.Runtime (>= 4.3) - restriction: || (&& (== net461) (< net45)) (&& (== net471) (< net45)) (== netstandard2.0)
    System.Diagnostics.Tracing (4.3) - restriction: || (&& (== net461) (< net40) (>= netstandard2.0)) (&& (== net461) (>= uap10.0)) (&& (== net471) (< net40)) (&& (== net471) (>= uap10.0)) (== netstandard2.0)
      Microsoft.NETCore.Platforms (>= 1.1) - restriction: || (&& (== net461) (< net45)) (&& (== net471) (< net45)) (== netstandard2.0)
      Microsoft.NETCore.Targets (>= 1.1) - restriction: || (&& (== net461) (< net45)) (&& (== net471) (< net45)) (== netstandard2.0)
      System.Runtime (>= 4.3) - restriction: || (&& (== net461) (< net45)) (&& (== net471) (< net45)) (== netstandard2.0)
    System.Dynamic.Runtime (4.3)
      System.Collections (>= 4.3) - restriction: || (&& (== net461) (< net45)) (&& (== net471) (< net45)) (== netstandard2.0)
      System.Diagnostics.Debug (>= 4.3) - restriction: || (&& (== net461) (< net45)) (&& (== net471) (< net45)) (== netstandard2.0)
      System.Linq (>= 4.3) - restriction: || (&& (== net461) (< net45)) (&& (== net471) (< net45)) (== netstandard2.0)
      System.Linq.Expressions (>= 4.3) - restriction: || (&& (== net461) (< net45)) (&& (== net471) (< net45)) (== netstandard2.0)
      System.ObjectModel (>= 4.3) - restriction: || (&& (== net461) (< net45)) (&& (== net471) (< net45)) (== netstandard2.0)
      System.Reflection (>= 4.3) - restriction: || (&& (== net461) (< net45)) (&& (== net471) (< net45)) (== netstandard2.0)
      System.Reflection.Emit (>= 4.3) - restriction: || (&& (== net461) (< net45)) (&& (== net471) (< net45)) (== netstandard2.0)
      System.Reflection.Emit.ILGeneration (>= 4.3) - restriction: || (&& (== net461) (< net45)) (&& (== net471) (< net45)) (== netstandard2.0)
      System.Reflection.Primitives (>= 4.3) - restriction: || (&& (== net461) (< net45)) (&& (== net471) (< net45)) (== netstandard2.0)
      System.Reflection.TypeExtensions (>= 4.3) - restriction: || (&& (== net461) (< net45)) (&& (== net471) (< net45)) (== netstandard2.0)
      System.Resources.ResourceManager (>= 4.3) - restriction: || (&& (== net461) (< net45)) (&& (== net471) (< net45)) (== netstandard2.0)
      System.Runtime (>= 4.3) - restriction: || (&& (== net461) (< net45)) (&& (== net471) (< net45)) (== netstandard2.0)
      System.Runtime.Extensions (>= 4.3) - restriction: || (&& (== net461) (< net45)) (&& (== net471) (< net45)) (== netstandard2.0)
      System.Threading (>= 4.3) - restriction: || (&& (== net461) (< net45)) (&& (== net471) (< net45)) (== netstandard2.0)
    System.Globalization (4.3)
      Microsoft.NETCore.Platforms (>= 1.1) - restriction: || (&& (== net461) (< net45)) (&& (== net471) (< net45)) (== netstandard2.0)
      Microsoft.NETCore.Targets (>= 1.1) - restriction: || (&& (== net461) (< net45)) (&& (== net471) (< net45)) (== netstandard2.0)
      System.Runtime (>= 4.3) - restriction: || (&& (== net461) (< net45)) (&& (== net471) (< net45)) (== netstandard2.0)
    System.Globalization.Calendars (4.3) - restriction: || (&& (== net461) (< net46) (>= netstandard1.6)) (&& (== net471) (< net46)) (== netstandard2.0)
      Microsoft.NETCore.Platforms (>= 1.1) - restriction: || (&& (== net461) (< net46)) (&& (== net471) (< net46)) (== netstandard2.0)
      Microsoft.NETCore.Targets (>= 1.1) - restriction: || (&& (== net461) (< net46)) (&& (== net471) (< net46)) (== netstandard2.0)
      System.Globalization (>= 4.3) - restriction: || (&& (== net461) (< net46)) (&& (== net471) (< net46)) (== netstandard2.0)
      System.Runtime (>= 4.3) - restriction: || (&& (== net461) (< net46)) (&& (== net471) (< net46)) (== netstandard2.0)
    System.Globalization.Extensions (4.3) - restriction: || (&& (== net461) (< net40) (>= netstandard2.0)) (&& (== net461) (>= netstandard1.6) (>= uap10.0)) (&& (== net471) (< net40)) (&& (== net471) (>= uap10.0)) (== netstandard2.0)
      Microsoft.NETCore.Platforms (>= 1.1) - restriction: || (&& (== net461) (< net46)) (&& (== net471) (< net46)) (== netstandard2.0)
      System.Globalization (>= 4.3) - restriction: || (&& (== net461) (< net46)) (&& (== net471) (< net46)) (== netstandard2.0)
      System.Resources.ResourceManager (>= 4.3) - restriction: || (&& (== net461) (< net46)) (&& (== net471) (< net46)) (== netstandard2.0)
      System.Runtime (>= 4.3) - restriction: || (&& (== net461) (< net46)) (&& (== net471) (< net46)) (== netstandard2.0)
      System.Runtime.Extensions (>= 4.3) - restriction: || (&& (== net461) (< net46)) (&& (== net471) (< net46)) (== netstandard2.0)
      System.Runtime.InteropServices (>= 4.3) - restriction: || (&& (== net461) (< net46)) (&& (== net471) (< net46)) (== netstandard2.0)
    System.IO (4.3) - restriction: || (&& (== net461) (< net40) (>= netstandard2.0)) (&& (== net461) (< net46)) (&& (== net461) (>= net463)) (&& (== net461) (>= uap10.0)) (== net471) (== netstandard2.0)
      Microsoft.NETCore.Platforms (>= 1.1) - restriction: || (&& (== net461) (< net45)) (&& (== net471) (< net45)) (== netstandard2.0)
      Microsoft.NETCore.Targets (>= 1.1) - restriction: || (&& (== net461) (< net45)) (&& (== net471) (< net45)) (== netstandard2.0)
      System.Runtime (>= 4.3) - restriction: || (&& (== net461) (< net45)) (&& (== net471) (< net45)) (== netstandard2.0)
      System.Text.Encoding (>= 4.3) - restriction: || (&& (== net461) (< net45)) (&& (== net471) (< net45)) (== netstandard2.0)
      System.Threading.Tasks (>= 4.3) - restriction: || (&& (== net461) (< net45)) (&& (== net471) (< net45)) (== netstandard2.0)
    System.IO.Compression (4.3)
      Microsoft.NETCore.Platforms (>= 1.1) - restriction: || (&& (== net461) (< net45)) (&& (== net471) (< net45)) (== netstandard2.0)
      runtime.native.System (>= 4.3) - restriction: || (&& (== net461) (< net45)) (&& (== net471) (< net45)) (== netstandard2.0)
      runtime.native.System.IO.Compression (>= 4.3) - restriction: || (&& (== net461) (< net45)) (&& (== net471) (< net45)) (== netstandard2.0)
      System.Buffers (>= 4.3) - restriction: || (&& (== net461) (< net45)) (&& (== net471) (< net45)) (== netstandard2.0)
      System.Collections (>= 4.3) - restriction: || (&& (== net461) (< net45)) (&& (== net471) (< net45)) (== netstandard2.0)
      System.Diagnostics.Debug (>= 4.3) - restriction: || (&& (== net461) (< net45)) (&& (== net471) (< net45)) (== netstandard2.0)
      System.IO (>= 4.3) - restriction: || (&& (== net461) (< net45)) (&& (== net471) (< net45)) (== netstandard2.0)
      System.Resources.ResourceManager (>= 4.3) - restriction: || (&& (== net461) (< net45)) (&& (== net471) (< net45)) (== netstandard2.0)
      System.Runtime (>= 4.3) - restriction: || (&& (== net461) (< net45)) (&& (== net471) (< net45)) (== netstandard2.0)
      System.Runtime.Extensions (>= 4.3) - restriction: || (&& (== net461) (< net45)) (&& (== net471) (< net45)) (== netstandard2.0)
      System.Runtime.Handles (>= 4.3) - restriction: || (&& (== net461) (< net45)) (&& (== net471) (< net45)) (== netstandard2.0)
      System.Runtime.InteropServices (>= 4.3) - restriction: || (&& (== net461) (< net45)) (&& (== net471) (< net45)) (== netstandard2.0)
      System.Text.Encoding (>= 4.3) - restriction: || (&& (== net461) (< net45)) (&& (== net471) (< net45)) (== netstandard2.0)
      System.Threading (>= 4.3) - restriction: || (&& (== net461) (< net45)) (&& (== net471) (< net45)) (== netstandard2.0)
      System.Threading.Tasks (>= 4.3) - restriction: || (&& (== net461) (< net45)) (&& (== net471) (< net45)) (== netstandard2.0)
    System.IO.FileSystem (4.3)
      Microsoft.NETCore.Platforms (>= 1.1) - restriction: || (&& (== net461) (< net46)) (&& (== net471) (< net46)) (== netstandard2.0)
      Microsoft.NETCore.Targets (>= 1.1) - restriction: || (&& (== net461) (< net46)) (&& (== net471) (< net46)) (== netstandard2.0)
      System.IO (>= 4.3) - restriction: || (&& (== net461) (< net46)) (&& (== net471) (< net46)) (== netstandard2.0)
      System.IO.FileSystem.Primitives (>= 4.3)
      System.Runtime (>= 4.3) - restriction: || (&& (== net461) (< net46)) (&& (== net471) (< net46)) (== netstandard2.0)
      System.Runtime.Handles (>= 4.3) - restriction: || (&& (== net461) (< net46)) (&& (== net471) (< net46)) (== netstandard2.0)
      System.Text.Encoding (>= 4.3) - restriction: || (&& (== net461) (< net46)) (&& (== net471) (< net46)) (== netstandard2.0)
      System.Threading.Tasks (>= 4.3) - restriction: || (&& (== net461) (< net46)) (&& (== net471) (< net46)) (== netstandard2.0)
    System.IO.FileSystem.Primitives (4.3)
      System.Runtime (>= 4.3) - restriction: || (&& (== net461) (< net46)) (&& (== net471) (< net46)) (== netstandard2.0)
    System.Linq (4.3)
      System.Collections (>= 4.3) - restriction: || (&& (== net461) (< net45)) (&& (== net471) (< net45)) (== netstandard2.0)
      System.Diagnostics.Debug (>= 4.3) - restriction: || (&& (== net461) (< net45) (>= netstandard1.6)) (&& (== net471) (< net45)) (== netstandard2.0)
      System.Resources.ResourceManager (>= 4.3) - restriction: || (&& (== net461) (< net45) (>= netstandard1.6)) (&& (== net471) (< net45)) (== netstandard2.0)
      System.Runtime (>= 4.3) - restriction: || (&& (== net461) (< net45)) (&& (== net471) (< net45)) (== netstandard2.0)
      System.Runtime.Extensions (>= 4.3) - restriction: || (&& (== net461) (< net45) (>= netstandard1.6)) (&& (== net471) (< net45)) (== netstandard2.0)
    System.Linq.Expressions (4.3)
      System.Collections (>= 4.3) - restriction: || (&& (== net461) (< net45) (>= netstandard1.6)) (&& (== net471) (< net45)) (== netstandard2.0)
      System.Diagnostics.Debug (>= 4.3) - restriction: || (&& (== net461) (< net45) (>= netstandard1.6)) (&& (== net471) (< net45)) (== netstandard2.0)
      System.Globalization (>= 4.3) - restriction: || (&& (== net461) (< net45) (>= netstandard1.6)) (&& (== net471) (< net45)) (== netstandard2.0)
      System.IO (>= 4.3) - restriction: || (&& (== net461) (< net45) (>= netstandard1.6)) (&& (== net471) (< net45)) (== netstandard2.0)
      System.Linq (>= 4.3) - restriction: || (&& (== net461) (< net45) (>= netstandard1.6)) (&& (== net471) (< net45)) (== netstandard2.0)
      System.ObjectModel (>= 4.3) - restriction: || (&& (== net461) (< net45) (>= netstandard1.6)) (&& (== net471) (< net45)) (== netstandard2.0)
      System.Reflection (>= 4.3) - restriction: || (&& (== net461) (< net45)) (&& (== net471) (< net45)) (== netstandard2.0)
      System.Reflection.Emit (>= 4.3) - restriction: || (&& (== net461) (< net45) (>= netstandard1.6)) (&& (== net471) (< net45)) (== netstandard2.0)
      System.Reflection.Emit.ILGeneration (>= 4.3) - restriction: || (&& (== net461) (< net45) (>= netstandard1.6)) (&& (== net471) (< net45)) (== netstandard2.0)
      System.Reflection.Emit.Lightweight (>= 4.3) - restriction: || (&& (== net461) (< net45) (>= netstandard1.6)) (&& (== net471) (< net45)) (== netstandard2.0)
      System.Reflection.Extensions (>= 4.3) - restriction: || (&& (== net461) (< net45) (>= netstandard1.6)) (&& (== net471) (< net45)) (== netstandard2.0)
      System.Reflection.Primitives (>= 4.3) - restriction: || (&& (== net461) (< net45) (>= netstandard1.6)) (&& (== net471) (< net45)) (== netstandard2.0)
      System.Reflection.TypeExtensions (>= 4.3) - restriction: || (&& (== net461) (< net45) (>= netstandard1.6)) (&& (== net471) (< net45)) (== netstandard2.0)
      System.Resources.ResourceManager (>= 4.3) - restriction: || (&& (== net461) (< net45) (>= netstandard1.6)) (&& (== net471) (< net45)) (== netstandard2.0)
      System.Runtime (>= 4.3) - restriction: || (&& (== net461) (< net45)) (&& (== net471) (< net45)) (== netstandard2.0)
      System.Runtime.Extensions (>= 4.3) - restriction: || (&& (== net461) (< net45) (>= netstandard1.6)) (&& (== net471) (< net45)) (== netstandard2.0)
      System.Threading (>= 4.3) - restriction: || (&& (== net461) (< net45) (>= netstandard1.6)) (&& (== net471) (< net45)) (== netstandard2.0)
    System.Linq.Queryable (4.0.1) - restriction: || (&& (== net461) (< net45) (>= netstandard1.6)) (&& (== net471) (< net45)) (== netstandard2.0)
      System.Collections (>= 4.0.11) - restriction: || (&& (== net461) (< net45)) (&& (== net471) (< net45)) (== netstandard2.0)
      System.Diagnostics.Debug (>= 4.0.11) - restriction: || (&& (== net461) (< net45)) (&& (== net471) (< net45)) (== netstandard2.0)
      System.Linq (>= 4.1) - restriction: || (&& (== net461) (< net45)) (&& (== net471) (< net45)) (== netstandard2.0)
      System.Linq.Expressions (>= 4.1) - restriction: || (&& (== net461) (< net45)) (&& (== net471) (< net45)) (== netstandard2.0)
      System.Reflection (>= 4.1) - restriction: || (&& (== net461) (< net45)) (&& (== net471) (< net45)) (== netstandard2.0)
      System.Reflection.Extensions (>= 4.0.1) - restriction: || (&& (== net461) (< net45)) (&& (== net471) (< net45)) (== netstandard2.0)
      System.Resources.ResourceManager (>= 4.0.1) - restriction: || (&& (== net461) (< net45)) (&& (== net471) (< net45)) (== netstandard2.0)
      System.Runtime (>= 4.1) - restriction: || (&& (== net461) (< net45)) (&& (== net471) (< net45)) (== netstandard2.0)
    System.Net.Http (4.3.2) - restriction: || (&& (== net461) (< net40) (>= netstandard2.0)) (&& (== net461) (>= uap10.0)) (&& (== net471) (< net40)) (&& (== net471) (>= uap10.0)) (== netstandard2.0)
      Microsoft.NETCore.Platforms (>= 1.1) - restriction: || (&& (== net461) (< net45)) (&& (== net471) (< net45)) (== netstandard2.0)
      runtime.native.System (>= 4.3) - restriction: || (&& (== net461) (< net45) (>= netstandard1.6)) (&& (== net471) (< net45)) (== netstandard2.0)
      runtime.native.System.Net.Http (>= 4.3) - restriction: || (&& (== net461) (< net45) (>= netstandard1.6)) (&& (== net471) (< net45)) (== netstandard2.0)
      runtime.native.System.Security.Cryptography.OpenSsl (>= 4.3) - restriction: || (&& (== net461) (< net45) (>= netstandard1.6)) (&& (== net471) (< net45)) (== netstandard2.0)
      System.Collections (>= 4.3) - restriction: || (&& (== net461) (< net45)) (&& (== net471) (< net45)) (== netstandard2.0)
      System.Diagnostics.Debug (>= 4.3) - restriction: || (&& (== net461) (< net45)) (&& (== net471) (< net45)) (== netstandard2.0)
      System.Diagnostics.DiagnosticSource (>= 4.3) - restriction: || (&& (== net461) (< net45)) (&& (== net471) (< net45)) (== netstandard2.0)
      System.Diagnostics.Tracing (>= 4.3) - restriction: || (&& (== net461) (< net45)) (&& (== net471) (< net45)) (== netstandard2.0)
      System.Globalization (>= 4.3) - restriction: || (&& (== net461) (< net45)) (&& (== net471) (< net45)) (== netstandard2.0)
      System.Globalization.Extensions (>= 4.3) - restriction: || (&& (== net461) (< net45) (>= netstandard1.6)) (&& (== net471) (< net45)) (== netstandard2.0)
      System.IO (>= 4.3) - restriction: || (&& (== net461) (< net45)) (&& (== net471) (< net45)) (== netstandard2.0)
      System.IO.FileSystem (>= 4.3) - restriction: || (&& (== net461) (< net45) (>= netstandard1.6)) (&& (== net471) (< net45)) (== netstandard2.0)
      System.Net.Primitives (>= 4.3) - restriction: || (&& (== net461) (< net45)) (&& (== net471) (< net45)) (== netstandard2.0)
      System.Resources.ResourceManager (>= 4.3) - restriction: || (&& (== net461) (< net45)) (&& (== net471) (< net45)) (== netstandard2.0)
      System.Runtime (>= 4.3) - restriction: || (&& (== net461) (< net45)) (&& (== net471) (< net45)) (== netstandard2.0)
      System.Runtime.Extensions (>= 4.3) - restriction: || (&& (== net461) (< net45)) (&& (== net471) (< net45)) (== netstandard2.0)
      System.Runtime.Handles (>= 4.3) - restriction: || (&& (== net461) (< net45)) (&& (== net471) (< net45)) (== netstandard2.0)
      System.Runtime.InteropServices (>= 4.3) - restriction: || (&& (== net461) (< net45)) (&& (== net471) (< net45)) (== netstandard2.0)
      System.Security.Cryptography.Algorithms (>= 4.3) - restriction: || (&& (== net461) (< net45) (>= netstandard1.6)) (&& (== net471) (< net45)) (== netstandard2.0)
      System.Security.Cryptography.Encoding (>= 4.3) - restriction: || (&& (== net461) (< net45)) (&& (== net471) (< net45)) (== netstandard2.0)
      System.Security.Cryptography.OpenSsl (>= 4.3) - restriction: || (&& (== net461) (< net45) (>= netstandard1.6)) (&& (== net471) (< net45)) (== netstandard2.0)
      System.Security.Cryptography.Primitives (>= 4.3) - restriction: || (&& (== net461) (< net45) (>= netstandard1.6)) (&& (== net471) (< net45)) (== netstandard2.0)
      System.Security.Cryptography.X509Certificates (>= 4.3)
      System.Text.Encoding (>= 4.3) - restriction: || (&& (== net461) (< net45)) (&& (== net471) (< net45)) (== netstandard2.0)
      System.Threading (>= 4.3) - restriction: || (&& (== net461) (< net45)) (&& (== net471) (< net45)) (== netstandard2.0)
      System.Threading.Tasks (>= 4.3) - restriction: || (&& (== net461) (< net45)) (&& (== net471) (< net45)) (== netstandard2.0)
    System.Net.Primitives (4.3) - restriction: || (&& (== net461) (< net40) (>= netstandard2.0)) (&& (== net461) (>= uap10.0)) (&& (== net471) (< net40)) (&& (== net471) (>= uap10.0)) (== netstandard2.0)
      Microsoft.NETCore.Platforms (>= 1.1) - restriction: || (&& (== net461) (< net45)) (&& (== net461) (< netstandard1.1)) (&& (== net471) (< net45)) (&& (== net471) (< netstandard1.1)) (== netstandard2.0)
      Microsoft.NETCore.Targets (>= 1.1) - restriction: || (&& (== net461) (< net45)) (&& (== net461) (< netstandard1.1)) (&& (== net471) (< net45)) (&& (== net471) (< netstandard1.1)) (== netstandard2.0)
      System.Runtime (>= 4.3) - restriction: || (&& (== net461) (< net45)) (&& (== net461) (< netstandard1.1)) (&& (== net471) (< net45)) (&& (== net471) (< netstandard1.1)) (== netstandard2.0)
      System.Runtime.Handles (>= 4.3) - restriction: || (&& (== net461) (< net45)) (&& (== net471) (< net45)) (== netstandard2.0)
    System.Net.Requests (4.0.11) - restriction: || (&& (== net461) (< net45) (>= netstandard1.6)) (&& (== net471) (< net45)) (== netstandard2.0)
      Microsoft.NETCore.Platforms (>= 1.0.1) - restriction: || (&& (== net461) (< net45)) (&& (== net471) (< net45)) (== netstandard2.0)
      System.Collections (>= 4.0.11) - restriction: || (&& (== net461) (< net45)) (&& (== net471) (< net45)) (== netstandard2.0)
      System.Diagnostics.Debug (>= 4.0.11) - restriction: || (&& (== net461) (< net45)) (&& (== net471) (< net45)) (== netstandard2.0)
      System.Diagnostics.Tracing (>= 4.1) - restriction: || (&& (== net461) (< net45)) (&& (== net471) (< net45)) (== netstandard2.0)
      System.Globalization (>= 4.0.11) - restriction: || (&& (== net461) (< net45)) (&& (== net471) (< net45)) (== netstandard2.0)
      System.IO (>= 4.1) - restriction: || (&& (== net461) (< net45)) (&& (== net461) (< netstandard1.1)) (&& (== net471) (< net45)) (&& (== net471) (< netstandard1.1)) (== netstandard2.0)
      System.Net.Http (>= 4.1) - restriction: || (&& (== net461) (< net45)) (&& (== net471) (< net45)) (== netstandard2.0)
      System.Net.Primitives (>= 4.0.11) - restriction: || (&& (== net461) (< net45)) (&& (== net461) (< netstandard1.1)) (&& (== net471) (< net45)) (&& (== net471) (< netstandard1.1)) (== netstandard2.0)
      System.Net.WebHeaderCollection (>= 4.0.1) - restriction: || (&& (== net461) (< net45)) (&& (== net471) (< net45)) (== netstandard2.0)
      System.Resources.ResourceManager (>= 4.0.1) - restriction: || (&& (== net461) (< net45)) (&& (== net471) (< net45)) (== netstandard2.0)
      System.Runtime (>= 4.1) - restriction: || (&& (== net461) (< net45)) (&& (== net461) (< netstandard1.1)) (&& (== net471) (< net45)) (&& (== net471) (< netstandard1.1)) (== netstandard2.0)
      System.Threading (>= 4.0.11) - restriction: || (&& (== net461) (< net45)) (&& (== net471) (< net45)) (== netstandard2.0)
      System.Threading.Tasks (>= 4.0.11) - restriction: || (&& (== net461) (< net45)) (&& (== net471) (< net45)) (== netstandard2.0)
    System.Net.WebHeaderCollection (4.0.1) - restriction: || (&& (== net461) (< net45) (>= netstandard1.6)) (&& (== net471) (< net45)) (== netstandard2.0)
      System.Collections (>= 4.0.11) - restriction: || (&& (== net461) (< net46)) (&& (== net471) (< net46)) (== netstandard2.0)
      System.Resources.ResourceManager (>= 4.0.1) - restriction: || (&& (== net461) (< net46)) (&& (== net471) (< net46)) (== netstandard2.0)
      System.Runtime (>= 4.1) - restriction: || (&& (== net461) (< net46)) (&& (== net471) (< net46)) (== netstandard2.0)
      System.Runtime.Extensions (>= 4.1) - restriction: || (&& (== net461) (< net46)) (&& (== net471) (< net46)) (== netstandard2.0)
    System.ObjectModel (4.3) - restriction: || (&& (== net461) (< net45) (>= netstandard1.6)) (&& (== net471) (< net45)) (== netstandard2.0)
      System.Collections (>= 4.3) - restriction: || (&& (== net461) (< net45)) (&& (== net471) (< net45)) (== netstandard2.0)
      System.Diagnostics.Debug (>= 4.3) - restriction: || (&& (== net461) (< net45)) (&& (== net471) (< net45)) (== netstandard2.0)
      System.Resources.ResourceManager (>= 4.3) - restriction: || (&& (== net461) (< net45)) (&& (== net471) (< net45)) (== netstandard2.0)
      System.Runtime (>= 4.3) - restriction: || (&& (== net461) (< net45)) (&& (== net471) (< net45)) (== netstandard2.0)
      System.Threading (>= 4.3) - restriction: || (&& (== net461) (< net45)) (&& (== net471) (< net45)) (== netstandard2.0)
    System.Reflection (4.3)
      Microsoft.NETCore.Platforms (>= 1.1) - restriction: || (&& (== net461) (< net45)) (&& (== net471) (< net45)) (== netstandard2.0)
      Microsoft.NETCore.Targets (>= 1.1) - restriction: || (&& (== net461) (< net45)) (&& (== net471) (< net45)) (== netstandard2.0)
      System.IO (>= 4.3) - restriction: || (&& (== net461) (< net45)) (&& (== net471) (< net45)) (== netstandard2.0)
      System.Reflection.Primitives (>= 4.3) - restriction: || (&& (== net461) (< net45)) (&& (== net471) (< net45)) (== netstandard2.0)
      System.Runtime (>= 4.3) - restriction: || (&& (== net461) (< net45)) (&& (== net471) (< net45)) (== netstandard2.0)
    System.Reflection.Emit (4.3) - restriction: || (&& (== net461) (< net45) (>= netstandard1.6)) (&& (== net471) (< net45)) (== netstandard2.0)
      System.IO (>= 4.3) - restriction: || (&& (== net461) (< net45)) (&& (== net471) (< net45)) (== netstandard2.0)
      System.Reflection (>= 4.3) - restriction: || (&& (== net461) (< net45)) (&& (== net471) (< net45)) (== netstandard2.0)
      System.Reflection.Emit.ILGeneration (>= 4.3) - restriction: || (&& (== net461) (< net45)) (&& (== net471) (< net45)) (== netstandard2.0)
      System.Reflection.Primitives (>= 4.3) - restriction: || (&& (== net461) (< net45)) (&& (== net471) (< net45)) (== netstandard2.0)
      System.Runtime (>= 4.3) - restriction: || (&& (== net461) (< net45)) (&& (== net471) (< net45)) (== netstandard2.0)
    System.Reflection.Emit.ILGeneration (4.3) - restriction: || (&& (== net461) (< net45) (>= netstandard1.6)) (&& (== net471) (< net45)) (== netstandard2.0)
      System.Reflection (>= 4.3) - restriction: || (&& (== net461) (< net45)) (&& (== net471) (< net45)) (== netstandard2.0)
      System.Reflection.Primitives (>= 4.3) - restriction: || (&& (== net461) (< net45)) (&& (== net471) (< net45)) (== netstandard2.0)
      System.Runtime (>= 4.3) - restriction: || (&& (== net461) (< net45)) (&& (== net471) (< net45)) (== netstandard2.0)
    System.Reflection.Emit.Lightweight (4.3) - restriction: || (&& (== net461) (< net45) (>= netstandard1.6)) (&& (== net471) (< net45)) (== netstandard2.0)
      System.Reflection (>= 4.3) - restriction: || (&& (== net461) (< net45)) (&& (== net471) (< net45)) (== netstandard2.0)
      System.Reflection.Emit.ILGeneration (>= 4.3) - restriction: || (&& (== net461) (< net45)) (&& (== net471) (< net45)) (== netstandard2.0)
      System.Reflection.Primitives (>= 4.3) - restriction: || (&& (== net461) (< net45)) (&& (== net471) (< net45)) (== netstandard2.0)
      System.Runtime (>= 4.3) - restriction: || (&& (== net461) (< net45)) (&& (== net471) (< net45)) (== netstandard2.0)
    System.Reflection.Extensions (4.3) - restriction: || (&& (== net461) (< net45) (>= netstandard1.6)) (&& (== net471) (< net45)) (== netstandard2.0)
      Microsoft.NETCore.Platforms (>= 1.1) - restriction: || (&& (== net461) (< net45)) (&& (== net471) (< net45)) (== netstandard2.0)
      Microsoft.NETCore.Targets (>= 1.1) - restriction: || (&& (== net461) (< net45)) (&& (== net471) (< net45)) (== netstandard2.0)
      System.Reflection (>= 4.3) - restriction: || (&& (== net461) (< net45)) (&& (== net471) (< net45)) (== netstandard2.0)
      System.Runtime (>= 4.3) - restriction: || (&& (== net461) (< net45)) (&& (== net471) (< net45)) (== netstandard2.0)
    System.Reflection.Metadata (1.4.2)
      System.Collections (>= 4.3) - restriction: || (&& (== net461) (< net45)) (&& (== net471) (< net45)) (== netstandard2.0)
      System.Collections.Immutable (>= 1.3.1)
      System.Diagnostics.Debug (>= 4.3) - restriction: || (&& (== net461) (< net45)) (&& (== net471) (< net45)) (== netstandard2.0)
      System.IO (>= 4.3) - restriction: || (&& (== net461) (< net45)) (&& (== net471) (< net45)) (== netstandard2.0)
      System.IO.Compression (>= 4.3) - restriction: || (&& (== net461) (< net45)) (&& (== net471) (< net45)) (== netstandard2.0)
      System.Linq (>= 4.3) - restriction: || (&& (== net461) (< net45)) (&& (== net471) (< net45)) (== netstandard2.0)
      System.Reflection (>= 4.3) - restriction: || (&& (== net461) (< net45)) (&& (== net471) (< net45)) (== netstandard2.0)
      System.Reflection.Extensions (>= 4.3) - restriction: || (&& (== net461) (< net45)) (&& (== net471) (< net45)) (== netstandard2.0)
      System.Reflection.Primitives (>= 4.3) - restriction: || (&& (== net461) (< net45)) (&& (== net471) (< net45)) (== netstandard2.0)
      System.Resources.ResourceManager (>= 4.3) - restriction: || (&& (== net461) (< net45)) (&& (== net471) (< net45)) (== netstandard2.0)
      System.Runtime (>= 4.3) - restriction: || (&& (== net461) (< net45)) (&& (== net471) (< net45)) (== netstandard2.0)
      System.Runtime.Extensions (>= 4.3) - restriction: || (&& (== net461) (< net45)) (&& (== net471) (< net45)) (== netstandard2.0)
      System.Runtime.InteropServices (>= 4.3) - restriction: || (&& (== net461) (< net45)) (&& (== net471) (< net45)) (== netstandard2.0)
      System.Text.Encoding (>= 4.3) - restriction: || (&& (== net461) (< net45)) (&& (== net471) (< net45)) (== netstandard2.0)
      System.Text.Encoding.Extensions (>= 4.3) - restriction: || (&& (== net461) (< net45)) (&& (== net471) (< net45)) (== netstandard2.0)
      System.Threading (>= 4.3) - restriction: || (&& (== net461) (< net45)) (&& (== net471) (< net45)) (== netstandard2.0)
    System.Reflection.Primitives (4.3) - restriction: || (&& (== net461) (< net45) (>= netstandard1.6)) (&& (== net471) (< net45)) (== netstandard2.0)
      Microsoft.NETCore.Platforms (>= 1.1) - restriction: || (&& (== net461) (< net45)) (&& (== net471) (< net45)) (== netstandard2.0)
      Microsoft.NETCore.Targets (>= 1.1) - restriction: || (&& (== net461) (< net45)) (&& (== net471) (< net45)) (== netstandard2.0)
      System.Runtime (>= 4.3) - restriction: || (&& (== net461) (< net45)) (&& (== net471) (< net45)) (== netstandard2.0)
    System.Reflection.TypeExtensions (4.3) - restriction: || (&& (== net461) (< net45) (>= netstandard1.6)) (&& (== net471) (< net45)) (== netstandard2.0)
      System.Reflection (>= 4.3) - restriction: || (&& (== net461) (< net46)) (&& (== net461) (>= net462)) (== net471) (== netstandard2.0)
      System.Runtime (>= 4.3) - restriction: || (&& (== net461) (< net46)) (&& (== net471) (< net46)) (== netstandard2.0)
    System.Resources.ResourceManager (4.3)
      Microsoft.NETCore.Platforms (>= 1.1) - restriction: || (&& (== net461) (< net45)) (&& (== net471) (< net45)) (== netstandard2.0)
      Microsoft.NETCore.Targets (>= 1.1) - restriction: || (&& (== net461) (< net45)) (&& (== net471) (< net45)) (== netstandard2.0)
      System.Globalization (>= 4.3) - restriction: || (&& (== net461) (< net45)) (&& (== net471) (< net45)) (== netstandard2.0)
      System.Reflection (>= 4.3) - restriction: || (&& (== net461) (< net45)) (&& (== net471) (< net45)) (== netstandard2.0)
      System.Runtime (>= 4.3) - restriction: || (&& (== net461) (< net45)) (&& (== net471) (< net45)) (== netstandard2.0)
    System.Runtime (4.3)
      Microsoft.NETCore.Platforms (>= 1.1) - restriction: || (&& (== net461) (< net45)) (&& (== net471) (< net45)) (== netstandard2.0)
      Microsoft.NETCore.Targets (>= 1.1) - restriction: || (&& (== net461) (< net45)) (&& (== net471) (< net45)) (== netstandard2.0)
    System.Runtime.Extensions (4.3)
      Microsoft.NETCore.Platforms (>= 1.1) - restriction: || (&& (== net461) (< net45)) (&& (== net471) (< net45)) (== netstandard2.0)
      Microsoft.NETCore.Targets (>= 1.1) - restriction: || (&& (== net461) (< net45)) (&& (== net471) (< net45)) (== netstandard2.0)
      System.Runtime (>= 4.3) - restriction: || (&& (== net461) (< net45)) (&& (== net471) (< net45)) (== netstandard2.0)
    System.Runtime.Handles (4.3) - restriction: || (&& (== net461) (< net40) (>= netstandard2.0)) (&& (== net461) (>= uap10.0)) (&& (== net471) (< net40)) (&& (== net471) (>= uap10.0)) (== netstandard2.0)
      Microsoft.NETCore.Platforms (>= 1.1) - restriction: || (&& (== net461) (< net46)) (&& (== net471) (< net46)) (== netstandard2.0)
      Microsoft.NETCore.Targets (>= 1.1) - restriction: || (&& (== net461) (< net46)) (&& (== net471) (< net46)) (== netstandard2.0)
      System.Runtime (>= 4.3) - restriction: || (&& (== net461) (< net46)) (&& (== net471) (< net46)) (== netstandard2.0)
    System.Runtime.InteropServices (4.3)
      Microsoft.NETCore.Platforms (>= 1.1) - restriction: || (&& (== net461) (< net45)) (&& (== net461) (>= netcoreapp1.1)) (&& (== net471) (< net45)) (&& (== net471) (>= netcoreapp1.1)) (== netstandard2.0)
      Microsoft.NETCore.Targets (>= 1.1) - restriction: || (&& (== net461) (< net45)) (&& (== net461) (>= netcoreapp1.1)) (&& (== net471) (< net45)) (&& (== net471) (>= netcoreapp1.1)) (== netstandard2.0)
      System.Reflection (>= 4.3) - restriction: || (&& (== net461) (< net45)) (&& (== net461) (>= netcoreapp1.1)) (&& (== net471) (< net45)) (&& (== net471) (>= netcoreapp1.1)) (== netstandard2.0)
      System.Reflection.Primitives (>= 4.3) - restriction: || (&& (== net461) (< net45)) (&& (== net461) (>= netcoreapp1.1)) (&& (== net471) (< net45)) (&& (== net471) (>= netcoreapp1.1)) (== netstandard2.0)
      System.Runtime (>= 4.3) - restriction: || (&& (== net461) (< net45)) (&& (== net461) (>= net462)) (&& (== net461) (>= netcoreapp1.1)) (== net471) (== netstandard2.0)
      System.Runtime.Handles (>= 4.3) - restriction: || (&& (== net461) (< net45)) (&& (== net461) (>= netcoreapp1.1)) (&& (== net471) (< net45)) (&& (== net471) (>= netcoreapp1.1)) (== netstandard2.0)
    System.Runtime.Numerics (4.3)
      System.Globalization (>= 4.3) - restriction: || (&& (== net461) (< net45)) (&& (== net471) (< net45)) (== netstandard2.0)
      System.Resources.ResourceManager (>= 4.3) - restriction: || (&& (== net461) (< net45)) (&& (== net471) (< net45)) (== netstandard2.0)
      System.Runtime (>= 4.3) - restriction: || (&& (== net461) (< net45)) (&& (== net471) (< net45)) (== netstandard2.0)
      System.Runtime.Extensions (>= 4.3) - restriction: || (&& (== net461) (< net45)) (&& (== net471) (< net45)) (== netstandard2.0)
    System.Runtime.Serialization.Primitives (4.1.1) - restriction: || (&& (== net461) (>= netstandard2.0)) (== net471) (== netstandard2.0)
      System.Resources.ResourceManager (>= 4.0.1) - restriction: || (&& (== net461) (< net45)) (&& (== net471) (< net45)) (== netstandard2.0)
      System.Runtime (>= 4.1) - restriction: || (&& (== net461) (< net45)) (&& (== net471) (< net45)) (== netstandard2.0)
    System.Security.Cryptography.Algorithms (4.3)
      Microsoft.NETCore.Platforms (>= 1.1) - restriction: || (&& (== net461) (< net46) (>= netstandard1.6)) (&& (== net471) (< net46)) (== netstandard2.0)
      runtime.native.System.Security.Cryptography.Apple (>= 4.3) - restriction: || (&& (== net461) (< net46) (>= netstandard1.6)) (&& (== net471) (< net46)) (== netstandard2.0)
      runtime.native.System.Security.Cryptography.OpenSsl (>= 4.3) - restriction: || (&& (== net461) (< net46) (>= netstandard1.6)) (&& (== net471) (< net46)) (== netstandard2.0)
      System.Collections (>= 4.3) - restriction: || (&& (== net461) (< net46) (>= netstandard1.6)) (&& (== net471) (< net46)) (== netstandard2.0)
      System.IO (>= 4.3) - restriction: || (&& (== net461) (< net46)) (&& (== net461) (>= net463)) (== net471) (== netstandard2.0)
      System.Resources.ResourceManager (>= 4.3) - restriction: || (&& (== net461) (< net46) (>= netstandard1.6)) (&& (== net471) (< net46)) (== netstandard2.0)
      System.Runtime (>= 4.3) - restriction: || (&& (== net461) (< net46)) (&& (== net461) (>= net463)) (== net471) (== netstandard2.0)
      System.Runtime.Extensions (>= 4.3) - restriction: || (&& (== net461) (< net46) (>= netstandard1.6)) (&& (== net471) (< net46)) (== netstandard2.0)
      System.Runtime.Handles (>= 4.3) - restriction: || (&& (== net461) (< net46) (>= netstandard1.6)) (&& (== net471) (< net46)) (== netstandard2.0)
      System.Runtime.InteropServices (>= 4.3) - restriction: || (&& (== net461) (< net46) (>= netstandard1.6)) (&& (== net471) (< net46)) (== netstandard2.0)
      System.Runtime.Numerics (>= 4.3) - restriction: || (&& (== net461) (< net46) (>= netstandard1.6)) (&& (== net471) (< net46)) (== netstandard2.0)
      System.Security.Cryptography.Encoding (>= 4.3) - restriction: || (&& (== net461) (< net46) (>= netstandard1.6)) (&& (== net461) (>= net463)) (== net471) (== netstandard2.0)
      System.Security.Cryptography.Primitives (>= 4.3)
      System.Text.Encoding (>= 4.3) - restriction: || (&& (== net461) (< net46) (>= netstandard1.6)) (&& (== net471) (< net46)) (== netstandard2.0)
    System.Security.Cryptography.Cng (4.3) - restriction: || (&& (== net461) (< net46) (>= netstandard1.6)) (&& (== net471) (< net46)) (== netstandard2.0)
      Microsoft.NETCore.Platforms (>= 1.1) - restriction: || (&& (== net461) (< net46)) (&& (== net471) (< net46)) (== netstandard2.0)
      System.IO (>= 4.3) - restriction: || (&& (== net461) (< net46)) (&& (== net471) (< net46)) (== netstandard2.0)
      System.Resources.ResourceManager (>= 4.3) - restriction: || (&& (== net461) (< net46)) (&& (== net471) (< net46)) (== netstandard2.0)
      System.Runtime (>= 4.3) - restriction: || (&& (== net461) (< net46)) (&& (== net471) (< net46)) (== netstandard2.0)
      System.Runtime.Extensions (>= 4.3) - restriction: || (&& (== net461) (< net46)) (&& (== net471) (< net46)) (== netstandard2.0)
      System.Runtime.Handles (>= 4.3) - restriction: || (&& (== net461) (< net46)) (&& (== net471) (< net46)) (== netstandard2.0)
      System.Runtime.InteropServices (>= 4.3) - restriction: || (&& (== net461) (< net46)) (&& (== net471) (< net46)) (== netstandard2.0)
      System.Security.Cryptography.Algorithms (>= 4.3)
      System.Security.Cryptography.Encoding (>= 4.3) - restriction: || (&& (== net461) (< net46)) (&& (== net471) (< net46)) (== netstandard2.0)
      System.Security.Cryptography.Primitives (>= 4.3)
      System.Text.Encoding (>= 4.3) - restriction: || (&& (== net461) (< net46)) (&& (== net471) (< net46)) (== netstandard2.0)
    System.Security.Cryptography.Csp (4.3) - restriction: || (&& (== net461) (< net46) (>= netstandard1.6)) (&& (== net471) (< net46)) (== netstandard2.0)
      Microsoft.NETCore.Platforms (>= 1.1) - restriction: || (&& (== net461) (< net46)) (&& (== net471) (< net46)) (== netstandard2.0)
      System.IO (>= 4.3) - restriction: || (&& (== net461) (< net46)) (&& (== net471) (< net46)) (== netstandard2.0)
      System.Reflection (>= 4.3) - restriction: || (&& (== net461) (< net46)) (&& (== net471) (< net46)) (== netstandard2.0)
      System.Resources.ResourceManager (>= 4.3) - restriction: || (&& (== net461) (< net46)) (&& (== net471) (< net46)) (== netstandard2.0)
      System.Runtime (>= 4.3) - restriction: || (&& (== net461) (< net46)) (&& (== net471) (< net46)) (== netstandard2.0)
      System.Runtime.Extensions (>= 4.3) - restriction: || (&& (== net461) (< net46)) (&& (== net471) (< net46)) (== netstandard2.0)
      System.Runtime.Handles (>= 4.3) - restriction: || (&& (== net461) (< net46)) (&& (== net471) (< net46)) (== netstandard2.0)
      System.Runtime.InteropServices (>= 4.3) - restriction: || (&& (== net461) (< net46)) (&& (== net471) (< net46)) (== netstandard2.0)
      System.Security.Cryptography.Algorithms (>= 4.3)
      System.Security.Cryptography.Encoding (>= 4.3) - restriction: || (&& (== net461) (< net46)) (&& (== net471) (< net46)) (== netstandard2.0)
      System.Security.Cryptography.Primitives (>= 4.3)
      System.Text.Encoding (>= 4.3) - restriction: || (&& (== net461) (< net46)) (&& (== net471) (< net46)) (== netstandard2.0)
      System.Threading (>= 4.3) - restriction: || (&& (== net461) (< net46)) (&& (== net471) (< net46)) (== netstandard2.0)
    System.Security.Cryptography.Encoding (4.3)
      Microsoft.NETCore.Platforms (>= 1.1) - restriction: || (&& (== net461) (< net46)) (&& (== net471) (< net46)) (== netstandard2.0)
      runtime.native.System.Security.Cryptography.OpenSsl (>= 4.3) - restriction: || (&& (== net461) (< net46)) (&& (== net471) (< net46)) (== netstandard2.0)
      System.Collections (>= 4.3) - restriction: || (&& (== net461) (< net46)) (&& (== net471) (< net46)) (== netstandard2.0)
      System.Collections.Concurrent (>= 4.3) - restriction: || (&& (== net461) (< net46)) (&& (== net471) (< net46)) (== netstandard2.0)
      System.Linq (>= 4.3) - restriction: || (&& (== net461) (< net46)) (&& (== net471) (< net46)) (== netstandard2.0)
      System.Resources.ResourceManager (>= 4.3) - restriction: || (&& (== net461) (< net46)) (&& (== net471) (< net46)) (== netstandard2.0)
      System.Runtime (>= 4.3) - restriction: || (&& (== net461) (< net46)) (&& (== net471) (< net46)) (== netstandard2.0)
      System.Runtime.Extensions (>= 4.3) - restriction: || (&& (== net461) (< net46)) (&& (== net471) (< net46)) (== netstandard2.0)
      System.Runtime.Handles (>= 4.3) - restriction: || (&& (== net461) (< net46)) (&& (== net471) (< net46)) (== netstandard2.0)
      System.Runtime.InteropServices (>= 4.3) - restriction: || (&& (== net461) (< net46)) (&& (== net471) (< net46)) (== netstandard2.0)
      System.Security.Cryptography.Primitives (>= 4.3) - restriction: || (&& (== net461) (< net46)) (&& (== net471) (< net46)) (== netstandard2.0)
      System.Text.Encoding (>= 4.3) - restriction: || (&& (== net461) (< net46)) (&& (== net471) (< net46)) (== netstandard2.0)
    System.Security.Cryptography.OpenSsl (4.3) - restriction: || (&& (== net461) (< net40) (>= netstandard2.0)) (&& (== net461) (>= netstandard1.6) (>= uap10.0)) (&& (== net471) (< net40)) (&& (== net471) (>= uap10.0)) (== netstandard2.0)
      runtime.native.System.Security.Cryptography.OpenSsl (>= 4.3) - restriction: || (&& (== net461) (>= monoandroid)) (&& (== net461) (>= net463)) (&& (== net461) (>= netstandard1.6)) (== net471) (== netstandard2.0)
      System.Collections (>= 4.3) - restriction: || (&& (== net461) (>= netstandard1.6)) (&& (== net471) (< net463)) (== netstandard2.0)
      System.IO (>= 4.3) - restriction: || (&& (== net461) (>= net463)) (&& (== net461) (>= netstandard1.6)) (== net471) (== netstandard2.0)
      System.Resources.ResourceManager (>= 4.3) - restriction: || (&& (== net461) (>= netstandard1.6)) (&& (== net471) (< net463)) (== netstandard2.0)
      System.Runtime (>= 4.3) - restriction: || (&& (== net461) (>= net463)) (&& (== net461) (>= netstandard1.6)) (== net471) (== netstandard2.0)
      System.Runtime.Extensions (>= 4.3) - restriction: || (&& (== net461) (>= net463)) (&& (== net461) (>= netstandard1.6)) (== net471) (== netstandard2.0)
      System.Runtime.Handles (>= 4.3) - restriction: || (&& (== net461) (>= netstandard1.6)) (&& (== net471) (< net463)) (== netstandard2.0)
      System.Runtime.InteropServices (>= 4.3) - restriction: || (&& (== net461) (>= netstandard1.6)) (&& (== net471) (< net463)) (== netstandard2.0)
      System.Runtime.Numerics (>= 4.3) - restriction: || (&& (== net461) (>= netstandard1.6)) (&& (== net471) (< net463)) (== netstandard2.0)
      System.Security.Cryptography.Algorithms (>= 4.3) - restriction: || (&& (== net461) (>= net463)) (&& (== net461) (>= netstandard1.6)) (== net471) (== netstandard2.0)
      System.Security.Cryptography.Encoding (>= 4.3) - restriction: || (&& (== net461) (>= net463)) (&& (== net461) (>= netstandard1.6)) (== net471) (== netstandard2.0)
      System.Security.Cryptography.Primitives (>= 4.3) - restriction: || (&& (== net461) (>= net463)) (&& (== net461) (>= netstandard1.6)) (== net471) (== netstandard2.0)
      System.Text.Encoding (>= 4.3) - restriction: || (&& (== net461) (>= netstandard1.6)) (&& (== net471) (< net463)) (== netstandard2.0)
    System.Security.Cryptography.Primitives (4.3)
      System.Diagnostics.Debug (>= 4.3) - restriction: || (&& (== net461) (< net46)) (&& (== net471) (< net46)) (== netstandard2.0)
      System.Globalization (>= 4.3) - restriction: || (&& (== net461) (< net46)) (&& (== net471) (< net46)) (== netstandard2.0)
      System.IO (>= 4.3) - restriction: || (&& (== net461) (< net46)) (&& (== net471) (< net46)) (== netstandard2.0)
      System.Resources.ResourceManager (>= 4.3) - restriction: || (&& (== net461) (< net46)) (&& (== net471) (< net46)) (== netstandard2.0)
      System.Runtime (>= 4.3) - restriction: || (&& (== net461) (< net46)) (&& (== net471) (< net46)) (== netstandard2.0)
      System.Threading (>= 4.3) - restriction: || (&& (== net461) (< net46)) (&& (== net471) (< net46)) (== netstandard2.0)
      System.Threading.Tasks (>= 4.3) - restriction: || (&& (== net461) (< net46)) (&& (== net471) (< net46)) (== netstandard2.0)
    System.Security.Cryptography.X509Certificates (4.3)
      Microsoft.NETCore.Platforms (>= 1.1) - restriction: || (&& (== net461) (< net46) (>= netstandard1.6)) (&& (== net471) (< net46)) (== netstandard2.0)
      runtime.native.System (>= 4.3) - restriction: || (&& (== net461) (< net46) (>= netstandard1.6)) (&& (== net471) (< net46)) (== netstandard2.0)
      runtime.native.System.Net.Http (>= 4.3) - restriction: || (&& (== net461) (< net46) (>= netstandard1.6)) (&& (== net471) (< net46)) (== netstandard2.0)
      runtime.native.System.Security.Cryptography.OpenSsl (>= 4.3) - restriction: || (&& (== net461) (< net46) (>= netstandard1.6)) (&& (== net471) (< net46)) (== netstandard2.0)
      System.Collections (>= 4.3) - restriction: || (&& (== net461) (< net46) (>= netstandard1.6)) (&& (== net471) (< net46)) (== netstandard2.0)
      System.Diagnostics.Debug (>= 4.3) - restriction: || (&& (== net461) (< net46) (>= netstandard1.6)) (&& (== net471) (< net46)) (== netstandard2.0)
      System.Globalization (>= 4.3) - restriction: || (&& (== net461) (< net46) (>= netstandard1.6)) (&& (== net471) (< net46)) (== netstandard2.0)
      System.Globalization.Calendars (>= 4.3) - restriction: || (&& (== net461) (< net46) (>= netstandard1.6)) (&& (== net471) (< net46)) (== netstandard2.0)
      System.IO (>= 4.3) - restriction: || (&& (== net461) (< net46) (>= netstandard1.6)) (&& (== net471) (< net46)) (== netstandard2.0)
      System.IO.FileSystem (>= 4.3) - restriction: || (&& (== net461) (< net46) (>= netstandard1.6)) (&& (== net471) (< net46)) (== netstandard2.0)
      System.IO.FileSystem.Primitives (>= 4.3) - restriction: || (&& (== net461) (< net46) (>= netstandard1.6)) (&& (== net471) (< net46)) (== netstandard2.0)
      System.Resources.ResourceManager (>= 4.3) - restriction: || (&& (== net461) (< net46) (>= netstandard1.6)) (&& (== net471) (< net46)) (== netstandard2.0)
      System.Runtime (>= 4.3) - restriction: || (&& (== net461) (< net46)) (&& (== net471) (< net46)) (== netstandard2.0)
      System.Runtime.Extensions (>= 4.3) - restriction: || (&& (== net461) (< net46) (>= netstandard1.6)) (&& (== net471) (< net46)) (== netstandard2.0)
      System.Runtime.Handles (>= 4.3) - restriction: || (&& (== net461) (< net46)) (&& (== net471) (< net46)) (== netstandard2.0)
      System.Runtime.InteropServices (>= 4.3) - restriction: || (&& (== net461) (< net46) (>= netstandard1.6)) (&& (== net471) (< net46)) (== netstandard2.0)
      System.Runtime.Numerics (>= 4.3) - restriction: || (&& (== net461) (< net46) (>= netstandard1.6)) (&& (== net471) (< net46)) (== netstandard2.0)
      System.Security.Cryptography.Algorithms (>= 4.3)
      System.Security.Cryptography.Cng (>= 4.3) - restriction: || (&& (== net461) (< net46) (>= netstandard1.6)) (&& (== net471) (< net46)) (== netstandard2.0)
      System.Security.Cryptography.Csp (>= 4.3) - restriction: || (&& (== net461) (< net46) (>= netstandard1.6)) (&& (== net471) (< net46)) (== netstandard2.0)
      System.Security.Cryptography.Encoding (>= 4.3)
      System.Security.Cryptography.OpenSsl (>= 4.3) - restriction: || (&& (== net461) (< net46) (>= netstandard1.6)) (&& (== net471) (< net46)) (== netstandard2.0)
      System.Security.Cryptography.Primitives (>= 4.3) - restriction: || (&& (== net461) (< net46) (>= netstandard1.6)) (&& (== net471) (< net46)) (== netstandard2.0)
      System.Text.Encoding (>= 4.3) - restriction: || (&& (== net461) (< net46) (>= netstandard1.6)) (&& (== net471) (< net46)) (== netstandard2.0)
      System.Threading (>= 4.3) - restriction: || (&& (== net461) (< net46) (>= netstandard1.6)) (&& (== net471) (< net46)) (== netstandard2.0)
    System.Text.Encoding (4.3)
      Microsoft.NETCore.Platforms (>= 1.1) - restriction: || (&& (== net461) (< net45)) (&& (== net471) (< net45)) (== netstandard2.0)
      Microsoft.NETCore.Targets (>= 1.1) - restriction: || (&& (== net461) (< net45)) (&& (== net471) (< net45)) (== netstandard2.0)
      System.Runtime (>= 4.3) - restriction: || (&& (== net461) (< net45)) (&& (== net471) (< net45)) (== netstandard2.0)
    System.Text.Encoding.CodePages (4.3)
      Microsoft.NETCore.Platforms (>= 1.1) - restriction: || (&& (== net461) (< net46)) (&& (== net471) (< net46)) (== netstandard2.0)
      System.Collections (>= 4.3) - restriction: || (&& (== net461) (< net46)) (&& (== net471) (< net46)) (== netstandard2.0)
      System.Globalization (>= 4.3) - restriction: || (&& (== net461) (< net46)) (&& (== net471) (< net46)) (== netstandard2.0)
      System.IO (>= 4.3) - restriction: || (&& (== net461) (< net46)) (&& (== net471) (< net46)) (== netstandard2.0)
      System.Reflection (>= 4.3) - restriction: || (&& (== net461) (< net46)) (&& (== net471) (< net46)) (== netstandard2.0)
      System.Resources.ResourceManager (>= 4.3) - restriction: || (&& (== net461) (< net46)) (&& (== net471) (< net46)) (== netstandard2.0)
      System.Runtime (>= 4.3) - restriction: || (&& (== net461) (< net46)) (&& (== net471) (< net46)) (== netstandard2.0)
      System.Runtime.Extensions (>= 4.3) - restriction: || (&& (== net461) (< net46)) (&& (== net471) (< net46)) (== netstandard2.0)
      System.Runtime.Handles (>= 4.3) - restriction: || (&& (== net461) (< net46)) (&& (== net471) (< net46)) (== netstandard2.0)
      System.Runtime.InteropServices (>= 4.3) - restriction: || (&& (== net461) (< net46)) (&& (== net471) (< net46)) (== netstandard2.0)
      System.Text.Encoding (>= 4.3) - restriction: || (&& (== net461) (< net46)) (&& (== net471) (< net46)) (== netstandard2.0)
      System.Threading (>= 4.3) - restriction: || (&& (== net461) (< net46)) (&& (== net471) (< net46)) (== netstandard2.0)
    System.Text.Encoding.Extensions (4.3)
      Microsoft.NETCore.Platforms (>= 1.1) - restriction: || (&& (== net461) (< net45)) (&& (== net471) (< net45)) (== netstandard2.0)
      Microsoft.NETCore.Targets (>= 1.1) - restriction: || (&& (== net461) (< net45)) (&& (== net471) (< net45)) (== netstandard2.0)
      System.Runtime (>= 4.3) - restriction: || (&& (== net461) (< net45)) (&& (== net471) (< net45)) (== netstandard2.0)
      System.Text.Encoding (>= 4.3) - restriction: || (&& (== net461) (< net45)) (&& (== net471) (< net45)) (== netstandard2.0)
    System.Text.RegularExpressions (4.3) - restriction: || (&& (== net461) (< net45)) (&& (== net471) (< net45)) (== netstandard2.0)
      System.Collections (>= 4.3) - restriction: || (&& (== net461) (< net45) (>= netstandard1.6)) (&& (== net471) (< net45)) (== netstandard2.0)
      System.Globalization (>= 4.3) - restriction: || (&& (== net461) (< net45) (>= netstandard1.6)) (&& (== net471) (< net45)) (== netstandard2.0)
      System.Resources.ResourceManager (>= 4.3) - restriction: || (&& (== net461) (< net45) (>= netstandard1.6)) (&& (== net471) (< net45)) (== netstandard2.0)
      System.Runtime (>= 4.3) - restriction: || (&& (== net461) (< net45)) (&& (== net461) (>= netcoreapp1.1)) (&& (== net471) (< net45)) (&& (== net471) (>= netcoreapp1.1)) (== netstandard2.0)
      System.Runtime.Extensions (>= 4.3) - restriction: || (&& (== net461) (< net45) (>= netstandard1.6)) (&& (== net471) (< net45)) (== netstandard2.0)
      System.Threading (>= 4.3) - restriction: || (&& (== net461) (< net45) (>= netstandard1.6)) (&& (== net471) (< net45)) (== netstandard2.0)
    System.Threading (4.3)
      System.Runtime (>= 4.3) - restriction: || (&& (== net461) (< net45)) (&& (== net471) (< net45)) (== netstandard2.0)
      System.Threading.Tasks (>= 4.3) - restriction: || (&& (== net461) (< net45)) (&& (== net471) (< net45)) (== netstandard2.0)
    System.Threading.Tasks (4.3)
      Microsoft.NETCore.Platforms (>= 1.1) - restriction: || (&& (== net461) (< net45)) (&& (== net471) (< net45)) (== netstandard2.0)
      Microsoft.NETCore.Targets (>= 1.1) - restriction: || (&& (== net461) (< net45)) (&& (== net471) (< net45)) (== netstandard2.0)
      System.Runtime (>= 4.3) - restriction: || (&& (== net461) (< net45)) (&& (== net471) (< net45)) (== netstandard2.0)
    System.Threading.Tasks.Extensions (4.3) - restriction: || (&& (== net461) (< net45)) (&& (== net471) (< net45)) (== netstandard2.0)
      System.Collections (>= 4.3) - restriction: || (&& (== net461) (< net45)) (&& (== net471) (< net45)) (== netstandard2.0)
      System.Runtime (>= 4.3) - restriction: || (&& (== net461) (< net45)) (&& (== net471) (< net45)) (== netstandard2.0)
      System.Threading.Tasks (>= 4.3) - restriction: || (&& (== net461) (< net45)) (&& (== net471) (< net45)) (== netstandard2.0)
    System.Threading.Tasks.Parallel (4.3)
      System.Collections.Concurrent (>= 4.3) - restriction: || (&& (== net461) (< net45)) (&& (== net471) (< net45)) (== netstandard2.0)
      System.Diagnostics.Debug (>= 4.3) - restriction: || (&& (== net461) (< net45)) (&& (== net471) (< net45)) (== netstandard2.0)
      System.Diagnostics.Tracing (>= 4.3) - restriction: || (&& (== net461) (< net45)) (&& (== net471) (< net45)) (== netstandard2.0)
      System.Resources.ResourceManager (>= 4.3) - restriction: || (&& (== net461) (< net45)) (&& (== net471) (< net45)) (== netstandard2.0)
      System.Runtime (>= 4.3) - restriction: || (&& (== net461) (< net45)) (&& (== net471) (< net45)) (== netstandard2.0)
      System.Runtime.Extensions (>= 4.3) - restriction: || (&& (== net461) (< net45)) (&& (== net471) (< net45)) (== netstandard2.0)
      System.Threading (>= 4.3) - restriction: || (&& (== net461) (< net45)) (&& (== net471) (< net45)) (== netstandard2.0)
      System.Threading.Tasks (>= 4.3) - restriction: || (&& (== net461) (< net45)) (&& (== net471) (< net45)) (== netstandard2.0)
    System.Threading.Thread (4.3)
      System.Runtime (>= 4.3) - restriction: || (&& (== net461) (< net46)) (&& (== net471) (< net46)) (== netstandard2.0)
    System.Threading.ThreadPool (4.0.10) - restriction: || (&& (== net461) (< net45) (>= netstandard1.6)) (&& (== net471) (< net45)) (== netstandard2.0)
      System.Runtime (>= 4.1) - restriction: || (&& (== net461) (< net46)) (&& (== net471) (< net46)) (== netstandard2.0)
      System.Runtime.Handles (>= 4.0.1) - restriction: || (&& (== net461) (< net46)) (&& (== net471) (< net46)) (== netstandard2.0)
    System.Threading.Timer (4.0.1) - restriction: || (&& (== net461) (< net45) (>= netstandard1.6)) (&& (== net471) (< net45)) (== netstandard2.0)
      Microsoft.NETCore.Platforms (>= 1.0.1) - restriction: || (&& (== net461) (< net451)) (&& (== net471) (< net451)) (== netstandard2.0)
      Microsoft.NETCore.Targets (>= 1.0.1) - restriction: || (&& (== net461) (< net451)) (&& (== net471) (< net451)) (== netstandard2.0)
      System.Runtime (>= 4.1) - restriction: || (&& (== net461) (< net451)) (&& (== net471) (< net451)) (== netstandard2.0)
    System.ValueTuple (4.3)
      System.Collections (>= 4.3) - restriction: || (&& (== net461) (< net45)) (&& (== net471) (< net45)) (== netstandard2.0)
      System.Resources.ResourceManager (>= 4.3) - restriction: || (&& (== net461) (< net45)) (&& (== net471) (< net45)) (== netstandard2.0)
      System.Runtime (>= 4.3) - restriction: || (&& (== net461) (< net45)) (&& (== net471) (< net45)) (== netstandard2.0)
    System.Xml.ReaderWriter (4.3)
      System.Collections (>= 4.3) - restriction: || (&& (== net461) (< net45)) (&& (== net471) (< net45)) (== netstandard2.0)
      System.Diagnostics.Debug (>= 4.3) - restriction: || (&& (== net461) (< net45)) (&& (== net471) (< net45)) (== netstandard2.0)
      System.Globalization (>= 4.3) - restriction: || (&& (== net461) (< net45)) (&& (== net471) (< net45)) (== netstandard2.0)
      System.IO (>= 4.3) - restriction: || (&& (== net461) (< net45)) (&& (== net471) (< net45)) (== netstandard2.0)
      System.IO.FileSystem (>= 4.3) - restriction: || (&& (== net461) (< net45)) (&& (== net471) (< net45)) (== netstandard2.0)
      System.IO.FileSystem.Primitives (>= 4.3) - restriction: || (&& (== net461) (< net45)) (&& (== net471) (< net45)) (== netstandard2.0)
      System.Resources.ResourceManager (>= 4.3) - restriction: || (&& (== net461) (< net45)) (&& (== net471) (< net45)) (== netstandard2.0)
      System.Runtime (>= 4.3) - restriction: || (&& (== net461) (< net45)) (&& (== net471) (< net45)) (== netstandard2.0)
      System.Runtime.Extensions (>= 4.3) - restriction: || (&& (== net461) (< net45)) (&& (== net471) (< net45)) (== netstandard2.0)
      System.Runtime.InteropServices (>= 4.3) - restriction: || (&& (== net461) (< net45)) (&& (== net471) (< net45)) (== netstandard2.0)
      System.Text.Encoding (>= 4.3) - restriction: || (&& (== net461) (< net45)) (&& (== net471) (< net45)) (== netstandard2.0)
      System.Text.Encoding.Extensions (>= 4.3) - restriction: || (&& (== net461) (< net45)) (&& (== net471) (< net45)) (== netstandard2.0)
      System.Text.RegularExpressions (>= 4.3) - restriction: || (&& (== net461) (< net45)) (&& (== net471) (< net45)) (== netstandard2.0)
      System.Threading.Tasks (>= 4.3) - restriction: || (&& (== net461) (< net45)) (&& (== net471) (< net45)) (== netstandard2.0)
      System.Threading.Tasks.Extensions (>= 4.3) - restriction: || (&& (== net461) (< net45)) (&& (== net471) (< net45)) (== netstandard2.0)
    System.Xml.XDocument (4.3)
      System.Collections (>= 4.3) - restriction: || (&& (== net461) (< net45)) (&& (== net471) (< net45)) (== netstandard2.0)
      System.Diagnostics.Debug (>= 4.3) - restriction: || (&& (== net461) (< net45)) (&& (== net471) (< net45)) (== netstandard2.0)
      System.Diagnostics.Tools (>= 4.3) - restriction: || (&& (== net461) (< net45)) (&& (== net471) (< net45)) (== netstandard2.0)
      System.Globalization (>= 4.3) - restriction: || (&& (== net461) (< net45)) (&& (== net471) (< net45)) (== netstandard2.0)
      System.IO (>= 4.3) - restriction: || (&& (== net461) (< net45)) (&& (== net471) (< net45)) (== netstandard2.0)
      System.Reflection (>= 4.3) - restriction: || (&& (== net461) (< net45)) (&& (== net471) (< net45)) (== netstandard2.0)
      System.Resources.ResourceManager (>= 4.3) - restriction: || (&& (== net461) (< net45)) (&& (== net471) (< net45)) (== netstandard2.0)
      System.Runtime (>= 4.3) - restriction: || (&& (== net461) (< net45)) (&& (== net471) (< net45)) (== netstandard2.0)
      System.Runtime.Extensions (>= 4.3) - restriction: || (&& (== net461) (< net45)) (&& (== net471) (< net45)) (== netstandard2.0)
      System.Text.Encoding (>= 4.3) - restriction: || (&& (== net461) (< net45)) (&& (== net471) (< net45)) (== netstandard2.0)
      System.Threading (>= 4.3) - restriction: || (&& (== net461) (< net45)) (&& (== net471) (< net45)) (== netstandard2.0)
      System.Xml.ReaderWriter (>= 4.3) - restriction: || (&& (== net461) (< net45)) (&& (== net471) (< net45)) (== netstandard2.0)
    System.Xml.XmlDocument (4.3)
      System.Collections (>= 4.3) - restriction: || (&& (== net461) (< net46)) (&& (== net471) (< net46)) (== netstandard2.0)
      System.Diagnostics.Debug (>= 4.3) - restriction: || (&& (== net461) (< net46)) (&& (== net471) (< net46)) (== netstandard2.0)
      System.Globalization (>= 4.3) - restriction: || (&& (== net461) (< net46)) (&& (== net471) (< net46)) (== netstandard2.0)
      System.IO (>= 4.3) - restriction: || (&& (== net461) (< net46)) (&& (== net471) (< net46)) (== netstandard2.0)
      System.Resources.ResourceManager (>= 4.3) - restriction: || (&& (== net461) (< net46)) (&& (== net471) (< net46)) (== netstandard2.0)
      System.Runtime (>= 4.3) - restriction: || (&& (== net461) (< net46)) (&& (== net471) (< net46)) (== netstandard2.0)
      System.Runtime.Extensions (>= 4.3) - restriction: || (&& (== net461) (< net46)) (&& (== net471) (< net46)) (== netstandard2.0)
      System.Text.Encoding (>= 4.3) - restriction: || (&& (== net461) (< net46)) (&& (== net471) (< net46)) (== netstandard2.0)
      System.Threading (>= 4.3) - restriction: || (&& (== net461) (< net46)) (&& (== net471) (< net46)) (== netstandard2.0)
      System.Xml.ReaderWriter (>= 4.3) - restriction: || (&& (== net461) (< net46)) (&& (== net471) (< net46)) (== netstandard2.0)
    System.Xml.XPath (4.3)
      System.Collections (>= 4.3) - restriction: || (&& (== net461) (< net46)) (&& (== net471) (< net46)) (== netstandard2.0)
      System.Diagnostics.Debug (>= 4.3) - restriction: || (&& (== net461) (< net46)) (&& (== net471) (< net46)) (== netstandard2.0)
      System.Globalization (>= 4.3) - restriction: || (&& (== net461) (< net46)) (&& (== net471) (< net46)) (== netstandard2.0)
      System.IO (>= 4.3) - restriction: || (&& (== net461) (< net46)) (&& (== net471) (< net46)) (== netstandard2.0)
      System.Resources.ResourceManager (>= 4.3) - restriction: || (&& (== net461) (< net46)) (&& (== net471) (< net46)) (== netstandard2.0)
      System.Runtime (>= 4.3) - restriction: || (&& (== net461) (< net46)) (&& (== net471) (< net46)) (== netstandard2.0)
      System.Runtime.Extensions (>= 4.3) - restriction: || (&& (== net461) (< net46)) (&& (== net471) (< net46)) (== netstandard2.0)
      System.Threading (>= 4.3) - restriction: || (&& (== net461) (< net46)) (&& (== net471) (< net46)) (== netstandard2.0)
      System.Xml.ReaderWriter (>= 4.3) - restriction: || (&& (== net461) (< net46)) (&& (== net471) (< net46)) (== netstandard2.0)
    System.Xml.XPath.XDocument (4.3)
      System.Diagnostics.Debug (>= 4.3) - restriction: || (&& (== net461) (< net46)) (&& (== net471) (< net46)) (== netstandard2.0)
      System.Linq (>= 4.3) - restriction: || (&& (== net461) (< net46)) (&& (== net471) (< net46)) (== netstandard2.0)
      System.Resources.ResourceManager (>= 4.3) - restriction: || (&& (== net461) (< net46)) (&& (== net471) (< net46)) (== netstandard2.0)
      System.Runtime (>= 4.3) - restriction: || (&& (== net461) (< net46)) (&& (== net471) (< net46)) (== netstandard2.0)
      System.Runtime.Extensions (>= 4.3) - restriction: || (&& (== net461) (< net46)) (&& (== net471) (< net46)) (== netstandard2.0)
      System.Threading (>= 4.3) - restriction: || (&& (== net461) (< net46)) (&& (== net471) (< net46)) (== netstandard2.0)
      System.Xml.ReaderWriter (>= 4.3) - restriction: || (&& (== net461) (< net46)) (&& (== net471) (< net46)) (== netstandard2.0)
      System.Xml.XDocument (>= 4.3) - restriction: || (&& (== net461) (< net46)) (&& (== net471) (< net46)) (== netstandard2.0)
      System.Xml.XPath (>= 4.3)
    System.Xml.XPath.XmlDocument (4.3) - restriction: || (&& (== net461) (< net40)) (&& (== net461) (>= uap10.0)) (&& (== net471) (< net40)) (&& (== net471) (>= uap10.0)) (== netstandard2.0)
      System.Collections (>= 4.3) - restriction: || (&& (== net461) (< net46)) (&& (== net471) (< net46)) (== netstandard2.0)
      System.Globalization (>= 4.3) - restriction: || (&& (== net461) (< net46)) (&& (== net471) (< net46)) (== netstandard2.0)
      System.IO (>= 4.3) - restriction: || (&& (== net461) (< net46)) (&& (== net471) (< net46)) (== netstandard2.0)
      System.Resources.ResourceManager (>= 4.3) - restriction: || (&& (== net461) (< net46)) (&& (== net471) (< net46)) (== netstandard2.0)
      System.Runtime (>= 4.3) - restriction: || (&& (== net461) (< net46)) (&& (== net471) (< net46)) (== netstandard2.0)
      System.Runtime.Extensions (>= 4.3) - restriction: || (&& (== net461) (< net46)) (&& (== net471) (< net46)) (== netstandard2.0)
      System.Threading (>= 4.3) - restriction: || (&& (== net461) (< net46)) (&& (== net471) (< net46)) (== netstandard2.0)
      System.Xml.ReaderWriter (>= 4.3) - restriction: || (&& (== net461) (< net46)) (&& (== net471) (< net46)) (== netstandard2.0)
      System.Xml.XmlDocument (>= 4.3)
      System.Xml.XPath (>= 4.3)
  remote: https://daily.websharper.com/nuget
    WebSharper (4.6.3.388)
      FSharp.Core (>= 4.2.3)
    WebSharper.CSharp (4.6.3.388)
      WebSharper (4.6.3.388)
    WebSharper.FSharp (4.6.3.388)
      WebSharper (4.6.3.388)
    WebSharper.Testing (4.6.3.388)
      WebSharper (4.6.3.388)
GITHUB
  remote: fsprojects/FSharp.TypeProviders.SDK
    src/ProvidedTypes.fs (41b91efaaaebe2782472b283c0c716cbcb0bbe75)
    src/ProvidedTypes.fsi (41b91efaaaebe2782472b283c0c716cbcb0bbe75)
GROUP build
STORAGE: NONE
RESTRICTION: == netstandard2.0
NUGET
  remote: https://api.nuget.org/v3/index.json
    BlackFox.VsWhere (1.0)
      FSharp.Core (>= 4.2.3)
    Chessie (0.6)
      FSharp.Core (>= 4.0.1.7-alpha)
      NETStandard.Library (>= 1.6)
    Fake.Core.CommandLineParsing (5.20)
      FParsec (>= 1.1.1)
      FSharp.Core (>= 4.7.1)
    Fake.Core.Context (5.20)
      FSharp.Core (>= 4.7.1)
    Fake.Core.Environment (5.20)
      FSharp.Core (>= 4.7.1)
    Fake.Core.FakeVar (5.20)
      Fake.Core.Context (>= 5.20)
      FSharp.Core (>= 4.7.1)
    Fake.Core.Process (5.20)
      Fake.Core.Environment (>= 5.20)
      Fake.Core.FakeVar (>= 5.20)
      Fake.Core.String (>= 5.20)
      Fake.Core.Trace (>= 5.20)
      Fake.IO.FileSystem (>= 5.20)
      FSharp.Core (>= 4.7.1)
      System.Collections.Immutable (>= 1.7)
    Fake.Core.SemVer (5.20)
      FSharp.Core (>= 4.7.1)
    Fake.Core.String (5.20)
      FSharp.Core (>= 4.7.1)
    Fake.Core.Target (5.20)
      Fake.Core.CommandLineParsing (>= 5.20)
      Fake.Core.Context (>= 5.20)
      Fake.Core.Environment (>= 5.20)
      Fake.Core.FakeVar (>= 5.20)
      Fake.Core.Process (>= 5.20)
      Fake.Core.String (>= 5.20)
      Fake.Core.Trace (>= 5.20)
      FSharp.Control.Reactive (>= 4.2)
      FSharp.Core (>= 4.7.1)
    Fake.Core.Tasks (5.20)
      Fake.Core.Trace (>= 5.20)
      FSharp.Core (>= 4.7.1)
    Fake.Core.Trace (5.20)
      Fake.Core.Environment (>= 5.20)
      Fake.Core.FakeVar (>= 5.20)
      FSharp.Core (>= 4.7.1)
    Fake.Core.Xml (5.20)
      Fake.Core.String (>= 5.20)
      FSharp.Core (>= 4.7.1)
    Fake.DotNet.AssemblyInfoFile (5.20)
      Fake.Core.Environment (>= 5.20)
      Fake.Core.String (>= 5.20)
      Fake.Core.Trace (>= 5.20)
      Fake.IO.FileSystem (>= 5.20)
      FSharp.Core (>= 4.7.1)
    Fake.DotNet.Cli (5.20)
      Fake.Core.Environment (>= 5.20)
      Fake.Core.Process (>= 5.20)
      Fake.Core.String (>= 5.20)
      Fake.Core.Trace (>= 5.20)
      Fake.DotNet.MSBuild (>= 5.20)
      Fake.DotNet.NuGet (>= 5.20)
      Fake.IO.FileSystem (>= 5.20)
      FSharp.Core (>= 4.7.1)
      Mono.Posix.NETStandard (>= 1.0)
      Newtonsoft.Json (>= 12.0.3)
    Fake.DotNet.MSBuild (5.20)
      BlackFox.VsWhere (>= 1.0)
      Fake.Core.Environment (>= 5.20)
      Fake.Core.Process (>= 5.20)
      Fake.Core.String (>= 5.20)
      Fake.Core.Trace (>= 5.20)
      Fake.IO.FileSystem (>= 5.20)
      FSharp.Core (>= 4.7.1)
      MSBuild.StructuredLogger (>= 2.1.117)
    Fake.DotNet.NuGet (5.20)
      Fake.Core.Environment (>= 5.20)
      Fake.Core.Process (>= 5.20)
      Fake.Core.SemVer (>= 5.20)
      Fake.Core.String (>= 5.20)
      Fake.Core.Tasks (>= 5.20)
      Fake.Core.Trace (>= 5.20)
      Fake.Core.Xml (>= 5.20)
      Fake.IO.FileSystem (>= 5.20)
      Fake.Net.Http (>= 5.20)
      FSharp.Core (>= 4.7.1)
      Newtonsoft.Json (>= 12.0.3)
      NuGet.Protocol (>= 5.5.1)
    Fake.DotNet.Paket (5.20)
      Fake.Core.Process (>= 5.20)
      Fake.Core.String (>= 5.20)
      Fake.Core.Trace (>= 5.20)
      Fake.DotNet.Cli (>= 5.20)
      Fake.IO.FileSystem (>= 5.20)
      FSharp.Core (>= 4.7.1)
    Fake.IO.FileSystem (5.20)
      Fake.Core.String (>= 5.20)
      FSharp.Core (>= 4.7.1)
    Fake.Net.Http (5.20)
      Fake.Core.Trace (>= 5.20)
      FSharp.Core (>= 4.7.1)
    Fake.Tools.Git (5.20)
      Fake.Core.Environment (>= 5.20)
      Fake.Core.Process (>= 5.20)
      Fake.Core.SemVer (>= 5.20)
      Fake.Core.String (>= 5.20)
      Fake.Core.Trace (>= 5.20)
      Fake.IO.FileSystem (>= 5.20)
      FSharp.Core (>= 4.7.1)
    FParsec (1.1.1)
      FSharp.Core (>= 4.3.4)
    FSharp.Control.Reactive (4.3)
      FSharp.Core (>= 4.7)
      System.Reactive (>= 4.3.2)
    FSharp.Core (4.7.2)
    Microsoft.Build (16.5)
    Microsoft.Build.Framework (16.5)
      System.Runtime.Serialization.Primitives (>= 4.1.1)
      System.Threading.Thread (>= 4.0)
    Microsoft.Build.Tasks.Core (16.5)
      Microsoft.Build.Framework (>= 16.5)
      Microsoft.Build.Utilities.Core (>= 16.5)
      Microsoft.Win32.Registry (>= 4.3)
      System.CodeDom (>= 4.4)
      System.Collections.Immutable (>= 1.5)
      System.Linq.Parallel (>= 4.0.1)
      System.Net.Http (>= 4.3.4)
      System.Reflection.Metadata (>= 1.6)
      System.Reflection.TypeExtensions (>= 4.1)
      System.Resources.Extensions (>= 4.6)
      System.Resources.Writer (>= 4.0)
      System.Threading.Tasks.Dataflow (>= 4.9)
    Microsoft.Build.Utilities.Core (16.5)
      Microsoft.Build.Framework (>= 16.5)
      Microsoft.Win32.Registry (>= 4.3)
      System.Collections.Immutable (>= 1.5)
      System.Text.Encoding.CodePages (>= 4.0.1)
    Microsoft.NETCore.Platforms (3.1.1)
    Microsoft.NETCore.Targets (3.1)
    Microsoft.Win32.Primitives (4.3)
      Microsoft.NETCore.Platforms (>= 1.1)
      Microsoft.NETCore.Targets (>= 1.1)
      System.Runtime (>= 4.3)
    Microsoft.Win32.Registry (4.7)
      System.Buffers (>= 4.5)
      System.Memory (>= 4.5.3)
      System.Security.AccessControl (>= 4.7)
      System.Security.Principal.Windows (>= 4.7)
    Mono.Cecil (0.11.2)
    Mono.Posix.NETStandard (1.0)
    MSBuild.StructuredLogger (2.1.133)
      Microsoft.Build (>= 16.4)
      Microsoft.Build.Framework (>= 16.4)
      Microsoft.Build.Tasks.Core (>= 16.4)
      Microsoft.Build.Utilities.Core (>= 16.4)
      System.IO.Compression (>= 4.3)
    NETStandard.Library (2.0.3)
      Microsoft.NETCore.Platforms (>= 1.1)
    Newtonsoft.Json (12.0.3)
    NuGet.Common (5.6)
      NuGet.Frameworks (>= 5.6)
      System.Diagnostics.Process (>= 4.3)
      System.Threading.Thread (>= 4.3)
    NuGet.Configuration (5.6)
      NuGet.Common (>= 5.6)
      System.Security.Cryptography.ProtectedData (>= 4.3)
    NuGet.Frameworks (5.6)
    NuGet.Packaging (5.6)
      Newtonsoft.Json (>= 9.0.1)
      NuGet.Configuration (>= 5.6)
      NuGet.Versioning (>= 5.6)
      System.Dynamic.Runtime (>= 4.3)
    NuGet.Protocol (5.6)
      NuGet.Packaging (>= 5.6)
      System.Dynamic.Runtime (>= 4.3)
    NuGet.Versioning (5.6)
    Paket.Core (5.242.2)
      Chessie (>= 0.6)
      Mono.Cecil (>= 0.10.0-beta6)
      Newtonsoft.Json (>= 10.0.3)
      System.Net.Http.WinHttpHandler (>= 4.5)
      System.Security.Cryptography.ProtectedData (>= 4.4)
    runtime.debian.8-x64.runtime.native.System.Security.Cryptography.OpenSsl (4.3.3)
    runtime.debian.9-x64.runtime.native.System.Security.Cryptography.OpenSsl (4.3.3)
    runtime.fedora.23-x64.runtime.native.System.Security.Cryptography.OpenSsl (4.3.3)
    runtime.fedora.24-x64.runtime.native.System.Security.Cryptography.OpenSsl (4.3.3)
    runtime.fedora.27-x64.runtime.native.System.Security.Cryptography.OpenSsl (4.3.3)
    runtime.fedora.28-x64.runtime.native.System.Security.Cryptography.OpenSsl (4.3.3)
    runtime.native.System (4.3.1)
      Microsoft.NETCore.Platforms (>= 1.1.1)
      Microsoft.NETCore.Targets (>= 1.1.3)
    runtime.native.System.IO.Compression (4.3.2)
      Microsoft.NETCore.Platforms (>= 1.1.1)
      Microsoft.NETCore.Targets (>= 1.1.3)
    runtime.native.System.Net.Http (4.3.1)
      Microsoft.NETCore.Platforms (>= 1.1.1)
      Microsoft.NETCore.Targets (>= 1.1.3)
    runtime.native.System.Security.Cryptography.Apple (4.3.1)
      runtime.osx.10.10-x64.runtime.native.System.Security.Cryptography.Apple (>= 4.3.1)
    runtime.native.System.Security.Cryptography.OpenSsl (4.3.3)
      runtime.debian.8-x64.runtime.native.System.Security.Cryptography.OpenSsl (>= 4.3.3)
      runtime.debian.9-x64.runtime.native.System.Security.Cryptography.OpenSsl (>= 4.3.3)
      runtime.fedora.23-x64.runtime.native.System.Security.Cryptography.OpenSsl (>= 4.3.3)
      runtime.fedora.24-x64.runtime.native.System.Security.Cryptography.OpenSsl (>= 4.3.3)
      runtime.fedora.27-x64.runtime.native.System.Security.Cryptography.OpenSsl (>= 4.3.3)
      runtime.fedora.28-x64.runtime.native.System.Security.Cryptography.OpenSsl (>= 4.3.3)
      runtime.opensuse.13.2-x64.runtime.native.System.Security.Cryptography.OpenSsl (>= 4.3.3)
      runtime.opensuse.42.1-x64.runtime.native.System.Security.Cryptography.OpenSsl (>= 4.3.3)
      runtime.opensuse.42.3-x64.runtime.native.System.Security.Cryptography.OpenSsl (>= 4.3.3)
      runtime.osx.10.10-x64.runtime.native.System.Security.Cryptography.OpenSsl (>= 4.3.3)
      runtime.rhel.7-x64.runtime.native.System.Security.Cryptography.OpenSsl (>= 4.3.3)
      runtime.ubuntu.14.04-x64.runtime.native.System.Security.Cryptography.OpenSsl (>= 4.3.3)
      runtime.ubuntu.16.04-x64.runtime.native.System.Security.Cryptography.OpenSsl (>= 4.3.3)
      runtime.ubuntu.16.10-x64.runtime.native.System.Security.Cryptography.OpenSsl (>= 4.3.3)
      runtime.ubuntu.18.04-x64.runtime.native.System.Security.Cryptography.OpenSsl (>= 4.3.3)
    runtime.opensuse.13.2-x64.runtime.native.System.Security.Cryptography.OpenSsl (4.3.3)
    runtime.opensuse.42.1-x64.runtime.native.System.Security.Cryptography.OpenSsl (4.3.3)
    runtime.opensuse.42.3-x64.runtime.native.System.Security.Cryptography.OpenSsl (4.3.3)
    runtime.osx.10.10-x64.runtime.native.System.Security.Cryptography.Apple (4.3.1)
    runtime.osx.10.10-x64.runtime.native.System.Security.Cryptography.OpenSsl (4.3.3)
    runtime.rhel.7-x64.runtime.native.System.Security.Cryptography.OpenSsl (4.3.3)
    runtime.ubuntu.14.04-x64.runtime.native.System.Security.Cryptography.OpenSsl (4.3.3)
    runtime.ubuntu.16.04-x64.runtime.native.System.Security.Cryptography.OpenSsl (4.3.3)
    runtime.ubuntu.16.10-x64.runtime.native.System.Security.Cryptography.OpenSsl (4.3.3)
    runtime.ubuntu.18.04-x64.runtime.native.System.Security.Cryptography.OpenSsl (4.3.3)
    System.Buffers (4.5.1)
    System.CodeDom (4.7)
    System.Collections (4.3)
      Microsoft.NETCore.Platforms (>= 1.1)
      Microsoft.NETCore.Targets (>= 1.1)
      System.Runtime (>= 4.3)
    System.Collections.Concurrent (4.3)
      System.Collections (>= 4.3)
      System.Diagnostics.Debug (>= 4.3)
      System.Diagnostics.Tracing (>= 4.3)
      System.Globalization (>= 4.3)
      System.Reflection (>= 4.3)
      System.Resources.ResourceManager (>= 4.3)
      System.Runtime (>= 4.3)
      System.Runtime.Extensions (>= 4.3)
      System.Threading (>= 4.3)
      System.Threading.Tasks (>= 4.3)
    System.Collections.Immutable (1.7.1)
      System.Memory (>= 4.5.4)
    System.Diagnostics.Debug (4.3)
      Microsoft.NETCore.Platforms (>= 1.1)
      Microsoft.NETCore.Targets (>= 1.1)
      System.Runtime (>= 4.3)
    System.Diagnostics.DiagnosticSource (4.7.1)
      System.Memory (>= 4.5.4)
    System.Diagnostics.Process (4.3)
      Microsoft.NETCore.Platforms (>= 1.1)
      Microsoft.Win32.Primitives (>= 4.3)
      Microsoft.Win32.Registry (>= 4.3)
      runtime.native.System (>= 4.3)
      System.Collections (>= 4.3)
      System.Diagnostics.Debug (>= 4.3)
      System.Globalization (>= 4.3)
      System.IO (>= 4.3)
      System.IO.FileSystem (>= 4.3)
      System.IO.FileSystem.Primitives (>= 4.3)
      System.Resources.ResourceManager (>= 4.3)
      System.Runtime (>= 4.3)
      System.Runtime.Extensions (>= 4.3)
      System.Runtime.Handles (>= 4.3)
      System.Runtime.InteropServices (>= 4.3)
      System.Text.Encoding (>= 4.3)
      System.Text.Encoding.Extensions (>= 4.3)
      System.Threading (>= 4.3)
      System.Threading.Tasks (>= 4.3)
      System.Threading.Thread (>= 4.3)
      System.Threading.ThreadPool (>= 4.3)
    System.Diagnostics.Tracing (4.3)
      Microsoft.NETCore.Platforms (>= 1.1)
      Microsoft.NETCore.Targets (>= 1.1)
      System.Runtime (>= 4.3)
    System.Dynamic.Runtime (4.3)
      System.Collections (>= 4.3)
      System.Diagnostics.Debug (>= 4.3)
      System.Linq (>= 4.3)
      System.Linq.Expressions (>= 4.3)
      System.ObjectModel (>= 4.3)
      System.Reflection (>= 4.3)
      System.Reflection.Emit (>= 4.3)
      System.Reflection.Emit.ILGeneration (>= 4.3)
      System.Reflection.Primitives (>= 4.3)
      System.Reflection.TypeExtensions (>= 4.3)
      System.Resources.ResourceManager (>= 4.3)
      System.Runtime (>= 4.3)
      System.Runtime.Extensions (>= 4.3)
      System.Threading (>= 4.3)
    System.Globalization (4.3)
      Microsoft.NETCore.Platforms (>= 1.1)
      Microsoft.NETCore.Targets (>= 1.1)
      System.Runtime (>= 4.3)
    System.Globalization.Calendars (4.3)
      Microsoft.NETCore.Platforms (>= 1.1)
      Microsoft.NETCore.Targets (>= 1.1)
      System.Globalization (>= 4.3)
      System.Runtime (>= 4.3)
    System.Globalization.Extensions (4.3)
      Microsoft.NETCore.Platforms (>= 1.1)
      System.Globalization (>= 4.3)
      System.Resources.ResourceManager (>= 4.3)
      System.Runtime (>= 4.3)
      System.Runtime.Extensions (>= 4.3)
      System.Runtime.InteropServices (>= 4.3)
    System.IO (4.3)
      Microsoft.NETCore.Platforms (>= 1.1)
      Microsoft.NETCore.Targets (>= 1.1)
      System.Runtime (>= 4.3)
      System.Text.Encoding (>= 4.3)
      System.Threading.Tasks (>= 4.3)
    System.IO.Compression (4.3)
      Microsoft.NETCore.Platforms (>= 1.1)
      runtime.native.System (>= 4.3)
      runtime.native.System.IO.Compression (>= 4.3)
      System.Buffers (>= 4.3)
      System.Collections (>= 4.3)
      System.Diagnostics.Debug (>= 4.3)
      System.IO (>= 4.3)
      System.Resources.ResourceManager (>= 4.3)
      System.Runtime (>= 4.3)
      System.Runtime.Extensions (>= 4.3)
      System.Runtime.Handles (>= 4.3)
      System.Runtime.InteropServices (>= 4.3)
      System.Text.Encoding (>= 4.3)
      System.Threading (>= 4.3)
      System.Threading.Tasks (>= 4.3)
    System.IO.FileSystem (4.3)
      Microsoft.NETCore.Platforms (>= 1.1)
      Microsoft.NETCore.Targets (>= 1.1)
      System.IO (>= 4.3)
      System.IO.FileSystem.Primitives (>= 4.3)
      System.Runtime (>= 4.3)
      System.Runtime.Handles (>= 4.3)
      System.Text.Encoding (>= 4.3)
      System.Threading.Tasks (>= 4.3)
    System.IO.FileSystem.Primitives (4.3)
      System.Runtime (>= 4.3)
    System.Linq (4.3)
      System.Collections (>= 4.3)
      System.Diagnostics.Debug (>= 4.3)
      System.Resources.ResourceManager (>= 4.3)
      System.Runtime (>= 4.3)
      System.Runtime.Extensions (>= 4.3)
    System.Linq.Expressions (4.3)
      System.Collections (>= 4.3)
      System.Diagnostics.Debug (>= 4.3)
      System.Globalization (>= 4.3)
      System.IO (>= 4.3)
      System.Linq (>= 4.3)
      System.ObjectModel (>= 4.3)
      System.Reflection (>= 4.3)
      System.Reflection.Emit (>= 4.3)
      System.Reflection.Emit.ILGeneration (>= 4.3)
      System.Reflection.Emit.Lightweight (>= 4.3)
      System.Reflection.Extensions (>= 4.3)
      System.Reflection.Primitives (>= 4.3)
      System.Reflection.TypeExtensions (>= 4.3)
      System.Resources.ResourceManager (>= 4.3)
      System.Runtime (>= 4.3)
      System.Runtime.Extensions (>= 4.3)
      System.Threading (>= 4.3)
    System.Linq.Parallel (4.3)
      System.Collections (>= 4.3)
      System.Collections.Concurrent (>= 4.3)
      System.Diagnostics.Debug (>= 4.3)
      System.Diagnostics.Tracing (>= 4.3)
      System.Linq (>= 4.3)
      System.Resources.ResourceManager (>= 4.3)
      System.Runtime (>= 4.3)
      System.Runtime.Extensions (>= 4.3)
      System.Threading (>= 4.3)
      System.Threading.Tasks (>= 4.3)
    System.Memory (4.5.4)
      System.Buffers (>= 4.5.1)
      System.Numerics.Vectors (>= 4.4)
      System.Runtime.CompilerServices.Unsafe (>= 4.5.3)
    System.Net.Http (4.3.4)
      Microsoft.NETCore.Platforms (>= 1.1.1)
      runtime.native.System (>= 4.3)
      runtime.native.System.Net.Http (>= 4.3)
      runtime.native.System.Security.Cryptography.OpenSsl (>= 4.3.2)
      System.Collections (>= 4.3)
      System.Diagnostics.Debug (>= 4.3)
      System.Diagnostics.DiagnosticSource (>= 4.3)
      System.Diagnostics.Tracing (>= 4.3)
      System.Globalization (>= 4.3)
      System.Globalization.Extensions (>= 4.3)
      System.IO (>= 4.3)
      System.IO.FileSystem (>= 4.3)
      System.Net.Primitives (>= 4.3)
      System.Resources.ResourceManager (>= 4.3)
      System.Runtime (>= 4.3)
      System.Runtime.Extensions (>= 4.3)
      System.Runtime.Handles (>= 4.3)
      System.Runtime.InteropServices (>= 4.3)
      System.Security.Cryptography.Algorithms (>= 4.3)
      System.Security.Cryptography.Encoding (>= 4.3)
      System.Security.Cryptography.OpenSsl (>= 4.3)
      System.Security.Cryptography.Primitives (>= 4.3)
      System.Security.Cryptography.X509Certificates (>= 4.3)
      System.Text.Encoding (>= 4.3)
      System.Threading (>= 4.3)
      System.Threading.Tasks (>= 4.3)
    System.Net.Http.WinHttpHandler (4.7)
      System.Buffers (>= 4.5)
      System.Memory (>= 4.5.3)
    System.Net.Primitives (4.3.1)
      Microsoft.NETCore.Platforms (>= 1.1.1)
      Microsoft.NETCore.Targets (>= 1.1.3)
      System.Runtime (>= 4.3.1)
      System.Runtime.Handles (>= 4.3)
    System.Numerics.Vectors (4.5)
    System.ObjectModel (4.3)
      System.Collections (>= 4.3)
      System.Diagnostics.Debug (>= 4.3)
      System.Resources.ResourceManager (>= 4.3)
      System.Runtime (>= 4.3)
      System.Threading (>= 4.3)
    System.Reactive (4.4.1)
      System.Runtime.InteropServices.WindowsRuntime (>= 4.3)
      System.Threading.Tasks.Extensions (>= 4.5.4)
    System.Reflection (4.3)
      Microsoft.NETCore.Platforms (>= 1.1)
      Microsoft.NETCore.Targets (>= 1.1)
      System.IO (>= 4.3)
      System.Reflection.Primitives (>= 4.3)
      System.Runtime (>= 4.3)
    System.Reflection.Emit (4.7)
      System.Reflection.Emit.ILGeneration (>= 4.7)
    System.Reflection.Emit.ILGeneration (4.7)
    System.Reflection.Emit.Lightweight (4.7)
      System.Reflection.Emit.ILGeneration (>= 4.7)
    System.Reflection.Extensions (4.3)
      Microsoft.NETCore.Platforms (>= 1.1)
      Microsoft.NETCore.Targets (>= 1.1)
      System.Reflection (>= 4.3)
      System.Runtime (>= 4.3)
    System.Reflection.Metadata (1.8.1)
      System.Collections.Immutable (>= 1.7.1)
    System.Reflection.Primitives (4.3)
      Microsoft.NETCore.Platforms (>= 1.1)
      Microsoft.NETCore.Targets (>= 1.1)
      System.Runtime (>= 4.3)
    System.Reflection.TypeExtensions (4.7)
    System.Resources.Extensions (4.7.1)
      System.Memory (>= 4.5.4)
    System.Resources.ResourceManager (4.3)
      Microsoft.NETCore.Platforms (>= 1.1)
      Microsoft.NETCore.Targets (>= 1.1)
      System.Globalization (>= 4.3)
      System.Reflection (>= 4.3)
      System.Runtime (>= 4.3)
    System.Resources.Writer (4.3)
      System.Collections (>= 4.3)
      System.IO (>= 4.3)
      System.Resources.ResourceManager (>= 4.3)
      System.Runtime (>= 4.3)
      System.Runtime.Extensions (>= 4.3)
      System.Text.Encoding (>= 4.3)
    System.Runtime (4.3.1)
      Microsoft.NETCore.Platforms (>= 1.1.1)
      Microsoft.NETCore.Targets (>= 1.1.3)
    System.Runtime.CompilerServices.Unsafe (4.7.1)
    System.Runtime.Extensions (4.3.1)
      Microsoft.NETCore.Platforms (>= 1.1.1)
      Microsoft.NETCore.Targets (>= 1.1.3)
      System.Runtime (>= 4.3.1)
    System.Runtime.Handles (4.3)
      Microsoft.NETCore.Platforms (>= 1.1)
      Microsoft.NETCore.Targets (>= 1.1)
      System.Runtime (>= 4.3)
    System.Runtime.InteropServices (4.3)
      Microsoft.NETCore.Platforms (>= 1.1)
      Microsoft.NETCore.Targets (>= 1.1)
      System.Reflection (>= 4.3)
      System.Reflection.Primitives (>= 4.3)
      System.Runtime (>= 4.3)
      System.Runtime.Handles (>= 4.3)
    System.Runtime.InteropServices.WindowsRuntime (4.3)
      System.Runtime (>= 4.3)
    System.Runtime.Numerics (4.3)
      System.Globalization (>= 4.3)
      System.Resources.ResourceManager (>= 4.3)
      System.Runtime (>= 4.3)
      System.Runtime.Extensions (>= 4.3)
    System.Runtime.Serialization.Primitives (4.3)
      System.Resources.ResourceManager (>= 4.3)
      System.Runtime (>= 4.3)
    System.Security.AccessControl (4.7)
      System.Security.Principal.Windows (>= 4.7)
    System.Security.Cryptography.Algorithms (4.3.1)
      Microsoft.NETCore.Platforms (>= 1.1)
      runtime.native.System.Security.Cryptography.Apple (>= 4.3.1)
      runtime.native.System.Security.Cryptography.OpenSsl (>= 4.3.2)
      System.Collections (>= 4.3)
      System.IO (>= 4.3)
      System.Resources.ResourceManager (>= 4.3)
      System.Runtime (>= 4.3)
      System.Runtime.Extensions (>= 4.3)
      System.Runtime.Handles (>= 4.3)
      System.Runtime.InteropServices (>= 4.3)
      System.Runtime.Numerics (>= 4.3)
      System.Security.Cryptography.Encoding (>= 4.3)
      System.Security.Cryptography.Primitives (>= 4.3)
      System.Text.Encoding (>= 4.3)
    System.Security.Cryptography.Cng (4.7)
    System.Security.Cryptography.Csp (4.3)
      Microsoft.NETCore.Platforms (>= 1.1)
      System.IO (>= 4.3)
      System.Reflection (>= 4.3)
      System.Resources.ResourceManager (>= 4.3)
      System.Runtime (>= 4.3)
      System.Runtime.Extensions (>= 4.3)
      System.Runtime.Handles (>= 4.3)
      System.Runtime.InteropServices (>= 4.3)
      System.Security.Cryptography.Algorithms (>= 4.3)
      System.Security.Cryptography.Encoding (>= 4.3)
      System.Security.Cryptography.Primitives (>= 4.3)
      System.Text.Encoding (>= 4.3)
      System.Threading (>= 4.3)
    System.Security.Cryptography.Encoding (4.3)
      Microsoft.NETCore.Platforms (>= 1.1)
      runtime.native.System.Security.Cryptography.OpenSsl (>= 4.3)
      System.Collections (>= 4.3)
      System.Collections.Concurrent (>= 4.3)
      System.Linq (>= 4.3)
      System.Resources.ResourceManager (>= 4.3)
      System.Runtime (>= 4.3)
      System.Runtime.Extensions (>= 4.3)
      System.Runtime.Handles (>= 4.3)
      System.Runtime.InteropServices (>= 4.3)
      System.Security.Cryptography.Primitives (>= 4.3)
      System.Text.Encoding (>= 4.3)
    System.Security.Cryptography.OpenSsl (4.7)
    System.Security.Cryptography.Primitives (4.3)
      System.Diagnostics.Debug (>= 4.3)
      System.Globalization (>= 4.3)
      System.IO (>= 4.3)
      System.Resources.ResourceManager (>= 4.3)
      System.Runtime (>= 4.3)
      System.Threading (>= 4.3)
      System.Threading.Tasks (>= 4.3)
    System.Security.Cryptography.ProtectedData (4.7)
      System.Memory (>= 4.5.3)
    System.Security.Cryptography.X509Certificates (4.3.2)
      Microsoft.NETCore.Platforms (>= 1.1)
      runtime.native.System (>= 4.3)
      runtime.native.System.Net.Http (>= 4.3)
      runtime.native.System.Security.Cryptography.OpenSsl (>= 4.3.2)
      System.Collections (>= 4.3)
      System.Diagnostics.Debug (>= 4.3)
      System.Globalization (>= 4.3)
      System.Globalization.Calendars (>= 4.3)
      System.IO (>= 4.3)
      System.IO.FileSystem (>= 4.3)
      System.IO.FileSystem.Primitives (>= 4.3)
      System.Resources.ResourceManager (>= 4.3)
      System.Runtime (>= 4.3)
      System.Runtime.Extensions (>= 4.3)
      System.Runtime.Handles (>= 4.3)
      System.Runtime.InteropServices (>= 4.3)
      System.Runtime.Numerics (>= 4.3)
      System.Security.Cryptography.Algorithms (>= 4.3)
      System.Security.Cryptography.Cng (>= 4.3)
      System.Security.Cryptography.Csp (>= 4.3)
      System.Security.Cryptography.Encoding (>= 4.3)
      System.Security.Cryptography.OpenSsl (>= 4.3)
      System.Security.Cryptography.Primitives (>= 4.3)
      System.Text.Encoding (>= 4.3)
      System.Threading (>= 4.3)
    System.Security.Principal.Windows (4.7)
    System.Text.Encoding (4.3)
      Microsoft.NETCore.Platforms (>= 1.1)
      Microsoft.NETCore.Targets (>= 1.1)
      System.Runtime (>= 4.3)
    System.Text.Encoding.CodePages (4.7.1)
      System.Runtime.CompilerServices.Unsafe (>= 4.7.1)
    System.Text.Encoding.Extensions (4.3)
      Microsoft.NETCore.Platforms (>= 1.1)
      Microsoft.NETCore.Targets (>= 1.1)
      System.Runtime (>= 4.3)
      System.Text.Encoding (>= 4.3)
    System.Threading (4.3)
      System.Runtime (>= 4.3)
      System.Threading.Tasks (>= 4.3)
    System.Threading.Tasks (4.3)
      Microsoft.NETCore.Platforms (>= 1.1)
      Microsoft.NETCore.Targets (>= 1.1)
      System.Runtime (>= 4.3)
    System.Threading.Tasks.Dataflow (4.11.1)
    System.Threading.Tasks.Extensions (4.5.4)
      System.Runtime.CompilerServices.Unsafe (>= 4.5.3)
    System.Threading.Thread (4.3)
      System.Runtime (>= 4.3)
    System.Threading.ThreadPool (4.3)
      System.Runtime (>= 4.3)
      System.Runtime.Handles (>= 4.3)

GROUP includes
REFERENCES: STRICT
NUGET
  remote: https://api.nuget.org/v3/index.json
    Microsoft.NETCore.Platforms (3.1.1) - restriction: == netstandard2.0
    NETStandard.Library (2.0.3) - restriction: == netstandard2.0
      Microsoft.NETCore.Platforms (>= 1.1) - restriction: || (&& (>= net45) (< netstandard1.3)) (&& (< net45) (>= netstandard1.1) (< netstandard1.2) (< win8)) (&& (< net45) (>= netstandard1.2) (< netstandard1.3) (< win8) (< wpa81)) (&& (< net45) (>= netstandard1.3) (< netstandard1.4) (< win8) (< wpa81)) (&& (< net45) (>= netstandard1.4) (< netstandard1.5) (< win8) (< wpa81)) (&& (< net45) (>= netstandard1.5) (< netstandard1.6) (< win8) (< wpa81)) (&& (< net45) (>= netstandard1.6) (< netstandard2.0) (< win8) (< wpa81)) (&& (< net45) (>= netstandard2.0)) (&& (>= net46) (< netstandard1.4)) (>= net461) (>= netcoreapp2.0) (&& (>= netstandard1.0) (< portable-net45+win8+wpa81)) (&& (< netstandard1.0) (>= portable-net45+win8) (< win8)) (&& (< netstandard1.0) (< portable-net45+win8) (>= portable-net45+win8+wpa81)) (&& (< netstandard1.0) (>= portable-net45+win8+wp8+wpa81) (< portable-net45+win8+wpa81)) (&& (< netstandard1.0) (>= win8)) (&& (< netstandard1.3) (< win8) (>= wpa81)) (&& (< netstandard1.5) (>= uap10.0)) (>= uap10.1) (>= wp8)
GITHUB
  remote: dotnet-websharper/websharper
    src/htmllib/tags.csv (bd0501d45c5b589e77800d736643ce9eb8504bb1)
GROUP wsbuild

GIT
  remote: https://github.com/dotnet-websharper/build-script
     (611689a6559407e4b277cad41639007c0e294a9a)